{
  "aor": 0.0010413984168865435,
  "aqi": 0.010274489313984168,
  "bids_meta": {
    "AcquisitionDateTime": "2013-05-21T11:52:18.812500",
    "CogAtlasID": "http://cognitiveatlas.org/task/id/trm_5887c029d46f4",
    "ConversionSoftware": "dcm2niix",
    "ConversionSoftwareVersion": "v1.0.20170207",
    "DeviceSerialNumber": "35407",
    "EchoTime": 0.032,
    "EffectiveEchoSpacing": 0.000689988,
    "FlipAngle": 62,
    "HardcopyDeviceSoftwareVersion": "syngo MR B17",
    "ImageType": [
      "ORIGINAL",
      "PRIMARY",
      "M",
      "ND",
      "NORM",
      "MOSAIC"
    ],
    "InstitutionAddress": "Cedar Street 333, New Haven, Connecticut, US 06510",
    "InstitutionName": "Yale MRRC",
    "MagneticFieldStrength": 3,
    "Manufacturer": "Siemens",
    "ManufacturersModelName": "TrioTim",
    "MultibandAccelerationFactor": "3",
    "PhaseEncodingDirection": "j-",
    "ProcedureStepDescription": "MRRC_Research_SiteProtocols",
    "ProtocolName": "cmrr_mbep2d_bold_379",
    "PulseSequenceType": "EP SKSP PFPS",
    "RepetitionTime": 2,
    "SequenceName": "epfid2d1_100",
    "SliceTiming": [
      0,
      0.9025,
      1.8075,
      0.7025,
      1.605,
      0.5025,
      1.405,
      0.3,
      1.205,
      0.1,
      1.0025,
      1.9075,
      0.8025,
      1.705,
      0.6025,
      1.505,
      0.4,
      1.305,
      0.2,
      1.1025,
      0,
      0.9025,
      1.8075,
      0.7025,
      1.605,
      0.5025,
      1.405,
      0.3,
      1.205,
      0.1,
      1.0025,
      1.9075,
      0.8025,
      1.705,
      0.6025,
      1.505,
      0.4,
      1.305,
      0.2,
      1.1025,
      0,
      0.9025,
      1.8075,
      0.7025,
      1.605,
      0.5025,
      1.405,
      0.3,
      1.205,
      0.1,
      1.0025,
      1.9075,
      0.8025,
      1.705,
      0.6025,
      1.505,
      0.4,
      1.305,
      0.2,
      1.1025
    ],
    "TaskName": "flavor",
    "dataset": "ds000231",
    "modality": "bold",
    "run_id": 2,
    "subject_id": "02",
    "task_id": "flavor"
  },
  "dummy_trs": 0,
  "dvars_nstd": 33.0426766128836,
  "dvars_std": 1.3103173628835973,
  "dvars_vstd": 1.0050531687037032,
  "efc": 0.5064880148387838,
  "fber": 2328.93212890625,
  "fd_mean": 0.12136245949221194,
  "fd_num": 39,
  "fd_perc": 10.29023746701847,
  "fwhm_avg": 2.112548582962935,
  "fwhm_x": 2.0148711648940614,
  "fwhm_y": 2.275554583994744,
  "fwhm_z": 2.04722,
  "gcor": 0.0245411,
  "gsr_x": -0.00607223529368639,
  "gsr_y": 0.022331949323415756,
  "provenance": {
    "md5sum": "f568649ea39c2261fad2f8e5876240f1",
    "settings": {
      "fd_thres": 0.2,
      "testing": false
    },
    "software": "mriqc",
    "version": "22.0.6",
    "webapi_port": null,
    "webapi_url": "https://mriqc.nimh.nih.gov/api/v1"
  },
  "size_t": 379,
  "size_x": 104,
  "size_y": 100,
  "size_z": 60,
  "snr": 5.650488836397483,
  "spacing_tr": 2.0,
  "spacing_x": 2.019230842590332,
  "spacing_y": 2.019230842590332,
  "spacing_z": 2.0,
  "summary_bg_k": 33.72245652390463,
  "summary_bg_mad": 12.338067947389188,
  "summary_bg_mean": 48.026458740234375,
  "summary_bg_median": 24.047494888305664,
  "summary_bg_n": 414518.0,
  "summary_bg_p05": 11.83641242980957,
  "summary_bg_p95": 156.91570510864193,
  "summary_bg_stdv": 80.26667785644531,
  "summary_fg_k": 3.8439575026947885,
  "summary_fg_mad": 173.87528806076185,
  "summary_fg_mean": 1185.943359375,
  "summary_fg_median": 1172.6728515625,
  "summary_fg_n": 125673.0,
  "summary_fg_p05": 898.4137573242188,
  "summary_fg_p95": 1506.9625976562495,
  "summary_fg_stdv": 207.533935546875,
  "tsnr": 56.19004315137863
}