{
  "aor": 0.0018372823218997364,
  "aqi": 0.01444427870712401,
  "bids_meta": {
    "AcquisitionDateTime": "2013-05-21T11:52:18.812500",
    "CogAtlasID": "http://cognitiveatlas.org/task/id/trm_5887c029d46f4",
    "ConversionSoftware": "dcm2niix",
    "ConversionSoftwareVersion": "v1.0.20170207",
    "DeviceSerialNumber": "35407",
    "EchoTime": 0.032,
    "EffectiveEchoSpacing": 0.000689988,
    "FlipAngle": 62,
    "HardcopyDeviceSoftwareVersion": "syngo MR B17",
    "ImageType": [
      "ORIGINAL",
      "PRIMARY",
      "M",
      "ND",
      "NORM",
      "MOSAIC"
    ],
    "InstitutionAddress": "Cedar Street 333, New Haven, Connecticut, US 06510",
    "InstitutionName": "Yale MRRC",
    "MagneticFieldStrength": 3,
    "Manufacturer": "Siemens",
    "ManufacturersModelName": "TrioTim",
    "MultibandAccelerationFactor": "3",
    "PhaseEncodingDirection": "j-",
    "ProcedureStepDescription": "MRRC_Research_SiteProtocols",
    "ProtocolName": "cmrr_mbep2d_bold_379",
    "PulseSequenceType": "EP SKSP PFPS",
    "RepetitionTime": 2,
    "SequenceName": "epfid2d1_100",
    "SliceTiming": [
      0,
      0.9025,
      1.8075,
      0.7025,
      1.605,
      0.5025,
      1.405,
      0.3,
      1.205,
      0.1,
      1.0025,
      1.9075,
      0.8025,
      1.705,
      0.6025,
      1.505,
      0.4,
      1.305,
      0.2,
      1.1025,
      0,
      0.9025,
      1.8075,
      0.7025,
      1.605,
      0.5025,
      1.405,
      0.3,
      1.205,
      0.1,
      1.0025,
      1.9075,
      0.8025,
      1.705,
      0.6025,
      1.505,
      0.4,
      1.305,
      0.2,
      1.1025,
      0,
      0.9025,
      1.8075,
      0.7025,
      1.605,
      0.5025,
      1.405,
      0.3,
      1.205,
      0.1,
      1.0025,
      1.9075,
      0.8025,
      1.705,
      0.6025,
      1.505,
      0.4,
      1.305,
      0.2,
      1.1025
    ],
    "TaskName": "flavor",
    "dataset": "ds000231",
    "modality": "bold",
    "run_id": 3,
    "subject_id": "09",
    "task_id": "flavor"
  },
  "dummy_trs": 0,
  "dvars_nstd": 51.06534012288363,
  "dvars_std": 1.2108953677777765,
  "dvars_vstd": 1.0074297702380952,
  "efc": 0.5570185449530346,
  "fber": 1401.0657958984375,
  "fd_mean": 0.2963050871734751,
  "fd_num": 242,
  "fd_perc": 63.852242744063325,
  "fwhm_avg": 2.1614582656840398,
  "fwhm_x": 2.036012878411688,
  "fwhm_y": 2.2394319186404306,
  "fwhm_z": 2.20893,
  "gcor": 0.00975872,
  "gsr_x": -0.011294065043330193,
  "gsr_y": 0.04188262298703194,
  "provenance": {
    "md5sum": "10e2c3698c477f61e022874723912d14",
    "settings": {
      "fd_thres": 0.2,
      "testing": false
    },
    "software": "mriqc",
    "version": "22.0.6",
    "webapi_port": null,
    "webapi_url": "https://mriqc.nimh.nih.gov/api/v1"
  },
  "size_t": 379,
  "size_x": 104,
  "size_y": 100,
  "size_z": 60,
  "snr": 3.661339133953489,
  "spacing_tr": 2.0,
  "spacing_x": 2.019230842590332,
  "spacing_y": 2.019230842590332,
  "spacing_z": 2.0,
  "summary_bg_k": 38.30659440626421,
  "summary_bg_mad": 10.139591136826855,
  "summary_bg_mean": 30.032255172729492,
  "summary_bg_median": 12.411609649658203,
  "summary_bg_n": 383387.0,
  "summary_bg_p05": 4.324538230895996,
  "summary_bg_p95": 117.10871505737323,
  "summary_bg_stdv": 53.0400390625,
  "summary_fg_k": 4.545365163955883,
  "summary_fg_mad": 101.45654024317082,
  "summary_fg_mean": 492.0558166503906,
  "summary_fg_median": 471.06201171875,
  "summary_fg_n": 153368.0,
  "summary_fg_p05": 336.99922332763674,
  "summary_fg_p95": 721.7254943847656,
  "summary_fg_stdv": 128.65797424316406,
  "tsnr": 34.64998903917149
}