{
  "aor": 0.003149208443271768,
  "aqi": 0.014735146411609496,
  "bids_meta": {
    "AcquisitionDateTime": "2013-05-21T11:52:18.812500",
    "CogAtlasID": "http://cognitiveatlas.org/task/id/trm_5887c029d46f4",
    "ConversionSoftware": "dcm2niix",
    "ConversionSoftwareVersion": "v1.0.20170207",
    "DeviceSerialNumber": "35407",
    "EchoTime": 0.032,
    "EffectiveEchoSpacing": 0.000689988,
    "FlipAngle": 62,
    "HardcopyDeviceSoftwareVersion": "syngo MR B17",
    "ImageType": [
      "ORIGINAL",
      "PRIMARY",
      "M",
      "ND",
      "NORM",
      "MOSAIC"
    ],
    "InstitutionAddress": "Cedar Street 333, New Haven, Connecticut, US 06510",
    "InstitutionName": "Yale MRRC",
    "MagneticFieldStrength": 3,
    "Manufacturer": "Siemens",
    "ManufacturersModelName": "TrioTim",
    "MultibandAccelerationFactor": "3",
    "PhaseEncodingDirection": "j-",
    "ProcedureStepDescription": "MRRC_Research_SiteProtocols",
    "ProtocolName": "cmrr_mbep2d_bold_379",
    "PulseSequenceType": "EP SKSP PFPS",
    "RepetitionTime": 2,
    "SequenceName": "epfid2d1_100",
    "SliceTiming": [
      0,
      0.9025,
      1.8075,
      0.7025,
      1.605,
      0.5025,
      1.405,
      0.3,
      1.205,
      0.1,
      1.0025,
      1.9075,
      0.8025,
      1.705,
      0.6025,
      1.505,
      0.4,
      1.305,
      0.2,
      1.1025,
      0,
      0.9025,
      1.8075,
      0.7025,
      1.605,
      0.5025,
      1.405,
      0.3,
      1.205,
      0.1,
      1.0025,
      1.9075,
      0.8025,
      1.705,
      0.6025,
      1.505,
      0.4,
      1.305,
      0.2,
      1.1025,
      0,
      0.9025,
      1.8075,
      0.7025,
      1.605,
      0.5025,
      1.405,
      0.3,
      1.205,
      0.1,
      1.0025,
      1.9075,
      0.8025,
      1.705,
      0.6025,
      1.505,
      0.4,
      1.305,
      0.2,
      1.1025
    ],
    "TaskName": "flavor",
    "dataset": "ds000231",
    "modality": "bold",
    "run_id": 2,
    "subject_id": "09",
    "task_id": "flavor"
  },
  "dummy_trs": 0,
  "dvars_nstd": 53.28669033333336,
  "dvars_std": 1.2181007674338626,
  "dvars_vstd": 1.013215143862433,
  "efc": 0.559597427801972,
  "fber": 1209.552734375,
  "fd_mean": 0.32845442743997905,
  "fd_num": 256,
  "fd_perc": 67.54617414248021,
  "fwhm_avg": 2.17253926533517,
  "fwhm_x": 2.046957639918822,
  "fwhm_y": 2.257295156086689,
  "fwhm_z": 2.213365,
  "gcor": 0.0143763,
  "gsr_x": -0.015281694941222668,
  "gsr_y": 0.04240727424621582,
  "provenance": {
    "md5sum": "ceb0e766c88c997869c250ac7a8992a6",
    "settings": {
      "fd_thres": 0.2,
      "testing": false
    },
    "software": "mriqc",
    "version": "22.0.6",
    "webapi_port": null,
    "webapi_url": "https://mriqc.nimh.nih.gov/api/v1"
  },
  "size_t": 379,
  "size_x": 104,
  "size_y": 100,
  "size_z": 60,
  "snr": 3.6170186138918314,
  "spacing_tr": 2.0,
  "spacing_x": 2.019230842590332,
  "spacing_y": 2.019230842590332,
  "spacing_z": 2.0,
  "summary_bg_k": 35.75341587672446,
  "summary_bg_mad": 10.550338332052975,
  "summary_bg_mean": 30.626216888427734,
  "summary_bg_median": 12.891820907592773,
  "summary_bg_n": 383912.0,
  "summary_bg_p05": 4.519789218902588,
  "summary_bg_p95": 121.08747444152854,
  "summary_bg_stdv": 52.8629264831543,
  "summary_fg_k": 4.7635255667230725,
  "summary_fg_mad": 101.18662863628316,
  "summary_fg_mean": 482.8692321777344,
  "summary_fg_median": 461.6200866699219,
  "summary_fg_n": 153064.0,
  "summary_fg_p05": 331.2484405517578,
  "summary_fg_p95": 709.0670288085938,
  "summary_fg_stdv": 127.62405395507812,
  "tsnr": 33.208932910929434
}