{
  "aor": 0.0030982585751978898,
  "aqi": 0.014118680474934038,
  "bids_meta": {
    "AcquisitionDateTime": "2013-05-21T11:52:18.812500",
    "CogAtlasID": "http://cognitiveatlas.org/task/id/trm_5887c029d46f4",
    "ConversionSoftware": "dcm2niix",
    "ConversionSoftwareVersion": "v1.0.20170207",
    "DeviceSerialNumber": "35407",
    "EchoTime": 0.032,
    "EffectiveEchoSpacing": 0.000689988,
    "FlipAngle": 62,
    "HardcopyDeviceSoftwareVersion": "syngo MR B17",
    "ImageType": [
      "ORIGINAL",
      "PRIMARY",
      "M",
      "ND",
      "NORM",
      "MOSAIC"
    ],
    "InstitutionAddress": "Cedar Street 333, New Haven, Connecticut, US 06510",
    "InstitutionName": "Yale MRRC",
    "MagneticFieldStrength": 3,
    "Manufacturer": "Siemens",
    "ManufacturersModelName": "TrioTim",
    "MultibandAccelerationFactor": "3",
    "PhaseEncodingDirection": "j-",
    "ProcedureStepDescription": "MRRC_Research_SiteProtocols",
    "ProtocolName": "cmrr_mbep2d_bold_379",
    "PulseSequenceType": "EP SKSP PFPS",
    "RepetitionTime": 2,
    "SequenceName": "epfid2d1_100",
    "SliceTiming": [
      0,
      0.9025,
      1.8075,
      0.7025,
      1.605,
      0.5025,
      1.405,
      0.3,
      1.205,
      0.1,
      1.0025,
      1.9075,
      0.8025,
      1.705,
      0.6025,
      1.505,
      0.4,
      1.305,
      0.2,
      1.1025,
      0,
      0.9025,
      1.8075,
      0.7025,
      1.605,
      0.5025,
      1.405,
      0.3,
      1.205,
      0.1,
      1.0025,
      1.9075,
      0.8025,
      1.705,
      0.6025,
      1.505,
      0.4,
      1.305,
      0.2,
      1.1025,
      0,
      0.9025,
      1.8075,
      0.7025,
      1.605,
      0.5025,
      1.405,
      0.3,
      1.205,
      0.1,
      1.0025,
      1.9075,
      0.8025,
      1.705,
      0.6025,
      1.505,
      0.4,
      1.305,
      0.2,
      1.1025
    ],
    "TaskName": "flavor",
    "dataset": "ds000231",
    "modality": "bold",
    "run_id": 1,
    "subject_id": "09",
    "task_id": "flavor"
  },
  "dummy_trs": 0,
  "dvars_nstd": 52.769928331719576,
  "dvars_std": 1.2191461785714293,
  "dvars_vstd": 1.0156300573280415,
  "efc": 0.5574787156352689,
  "fber": 1252.7379150390625,
  "fd_mean": 0.3040627978963913,
  "fd_num": 259,
  "fd_perc": 68.3377308707124,
  "fwhm_avg": 2.189939185497495,
  "fwhm_x": 2.0626418298251985,
  "fwhm_y": 2.280635726667287,
  "fwhm_z": 2.22654,
  "gcor": 0.00762421,
  "gsr_x": -0.015294509008526802,
  "gsr_y": 0.04050174728035927,
  "provenance": {
    "md5sum": "cf9765235ec73ad382c18920ec3a2a68",
    "settings": {
      "fd_thres": 0.2,
      "testing": false
    },
    "software": "mriqc",
    "version": "22.0.6",
    "webapi_port": null,
    "webapi_url": "https://mriqc.nimh.nih.gov/api/v1"
  },
  "size_t": 379,
  "size_x": 104,
  "size_y": 100,
  "size_z": 60,
  "snr": 3.4583453638296806,
  "spacing_tr": 2.0,
  "spacing_x": 2.019230842590332,
  "spacing_y": 2.019230842590332,
  "spacing_z": 2.0,
  "summary_bg_k": 38.15245928137351,
  "summary_bg_mad": 9.65842932875074,
  "summary_bg_mean": 29.158098220825195,
  "summary_bg_median": 12.19788932800293,
  "summary_bg_n": 383933.0,
  "summary_bg_p05": 4.522427558898926,
  "summary_bg_p95": 115.92876434326172,
  "summary_bg_stdv": 50.8537712097168,
  "summary_fg_k": 5.18627654569876,
  "summary_fg_mad": 99.96810136432015,
  "summary_fg_mean": 462.8760681152344,
  "summary_fg_median": 441.05279541015625,
  "summary_fg_n": 153119.0,
  "summary_fg_p05": 314.1873474121094,
  "summary_fg_p95": 689.8235046386719,
  "summary_fg_stdv": 127.53247833251953,
  "tsnr": 33.07453429559246
}