{
  "aor": 0.0007282058047493404,
  "aqi": 0.009749479841688655,
  "bids_meta": {
    "AcquisitionDateTime": "2013-05-21T11:52:18.812500",
    "CogAtlasID": "http://cognitiveatlas.org/task/id/trm_5887c029d46f4",
    "ConversionSoftware": "dcm2niix",
    "ConversionSoftwareVersion": "v1.0.20170207",
    "DeviceSerialNumber": "35407",
    "EchoTime": 0.032,
    "EffectiveEchoSpacing": 0.000689988,
    "FlipAngle": 62,
    "HardcopyDeviceSoftwareVersion": "syngo MR B17",
    "ImageType": [
      "ORIGINAL",
      "PRIMARY",
      "M",
      "ND",
      "NORM",
      "MOSAIC"
    ],
    "InstitutionAddress": "Cedar Street 333, New Haven, Connecticut, US 06510",
    "InstitutionName": "Yale MRRC",
    "MagneticFieldStrength": 3,
    "Manufacturer": "Siemens",
    "ManufacturersModelName": "TrioTim",
    "MultibandAccelerationFactor": "3",
    "PhaseEncodingDirection": "j-",
    "ProcedureStepDescription": "MRRC_Research_SiteProtocols",
    "ProtocolName": "cmrr_mbep2d_bold_379",
    "PulseSequenceType": "EP SKSP PFPS",
    "RepetitionTime": 2,
    "SequenceName": "epfid2d1_100",
    "SliceTiming": [
      0,
      0.9025,
      1.8075,
      0.7025,
      1.605,
      0.5025,
      1.405,
      0.3,
      1.205,
      0.1,
      1.0025,
      1.9075,
      0.8025,
      1.705,
      0.6025,
      1.505,
      0.4,
      1.305,
      0.2,
      1.1025,
      0,
      0.9025,
      1.8075,
      0.7025,
      1.605,
      0.5025,
      1.405,
      0.3,
      1.205,
      0.1,
      1.0025,
      1.9075,
      0.8025,
      1.705,
      0.6025,
      1.505,
      0.4,
      1.305,
      0.2,
      1.1025,
      0,
      0.9025,
      1.8075,
      0.7025,
      1.605,
      0.5025,
      1.405,
      0.3,
      1.205,
      0.1,
      1.0025,
      1.9075,
      0.8025,
      1.705,
      0.6025,
      1.505,
      0.4,
      1.305,
      0.2,
      1.1025
    ],
    "TaskName": "flavor",
    "dataset": "ds000231",
    "modality": "bold",
    "run_id": 2,
    "subject_id": "06",
    "task_id": "flavor"
  },
  "dummy_trs": 0,
  "dvars_nstd": 31.41685106420635,
  "dvars_std": 1.1470325483597885,
  "dvars_vstd": 1.0067591416931214,
  "efc": 0.5292595151895736,
  "fber": 1972.907958984375,
  "fd_mean": 0.19954136885760818,
  "fd_num": 173,
  "fd_perc": 45.64643799472295,
  "fwhm_avg": 2.0718927740091195,
  "fwhm_x": 1.9774064043504114,
  "fwhm_y": 2.2659519176769467,
  "fwhm_z": 1.97232,
  "gcor": 0.0132007,
  "gsr_x": -0.005782168358564377,
  "gsr_y": 0.031458545476198196,
  "provenance": {
    "md5sum": "176ac923653c91faf1113c9b724aa463",
    "settings": {
      "fd_thres": 0.2,
      "testing": false
    },
    "software": "mriqc",
    "version": "22.0.6",
    "webapi_port": null,
    "webapi_url": "https://mriqc.nimh.nih.gov/api/v1"
  },
  "size_t": 379,
  "size_x": 104,
  "size_y": 100,
  "size_z": 60,
  "snr": 5.511306221754428,
  "spacing_tr": 2.0,
  "spacing_x": 2.019230842590332,
  "spacing_y": 2.019230842590332,
  "spacing_z": 2.0,
  "summary_bg_k": 42.08763730734477,
  "summary_bg_mad": 13.093058626763346,
  "summary_bg_mean": 42.464900970458984,
  "summary_bg_median": 22.617414474487305,
  "summary_bg_n": 396266.0,
  "summary_bg_p05": 10.060686111450195,
  "summary_bg_p95": 125.95712661743164,
  "summary_bg_stdv": 68.66852569580078,
  "summary_fg_k": 4.433480154046466,
  "summary_fg_mad": 158.01658420348988,
  "summary_fg_mean": 1035.7606201171875,
  "summary_fg_median": 1025.8839111328125,
  "summary_fg_n": 140307.0,
  "summary_fg_p05": 783.6406677246093,
  "summary_fg_p95": 1321.8092895507812,
  "summary_fg_stdv": 186.1410369873047,
  "tsnr": 52.00820233952254
}