{
  "aor": 0.0008848812664907651,
  "aqi": 0.01363034823218997,
  "bids_meta": {
    "AcquisitionDateTime": "2013-05-21T11:52:18.812500",
    "CogAtlasID": "http://cognitiveatlas.org/task/id/trm_5887c029d46f4",
    "ConversionSoftware": "dcm2niix",
    "ConversionSoftwareVersion": "v1.0.20170207",
    "DeviceSerialNumber": "35407",
    "EchoTime": 0.032,
    "EffectiveEchoSpacing": 0.000689988,
    "FlipAngle": 62,
    "HardcopyDeviceSoftwareVersion": "syngo MR B17",
    "ImageType": [
      "ORIGINAL",
      "PRIMARY",
      "M",
      "ND",
      "NORM",
      "MOSAIC"
    ],
    "InstitutionAddress": "Cedar Street 333, New Haven, Connecticut, US 06510",
    "InstitutionName": "Yale MRRC",
    "MagneticFieldStrength": 3,
    "Manufacturer": "Siemens",
    "ManufacturersModelName": "TrioTim",
    "MultibandAccelerationFactor": "3",
    "PhaseEncodingDirection": "j-",
    "ProcedureStepDescription": "MRRC_Research_SiteProtocols",
    "ProtocolName": "cmrr_mbep2d_bold_379",
    "PulseSequenceType": "EP SKSP PFPS",
    "RepetitionTime": 2,
    "SequenceName": "epfid2d1_100",
    "SliceTiming": [
      0,
      0.9025,
      1.8075,
      0.7025,
      1.605,
      0.5025,
      1.405,
      0.3,
      1.205,
      0.1,
      1.0025,
      1.9075,
      0.8025,
      1.705,
      0.6025,
      1.505,
      0.4,
      1.305,
      0.2,
      1.1025,
      0,
      0.9025,
      1.8075,
      0.7025,
      1.605,
      0.5025,
      1.405,
      0.3,
      1.205,
      0.1,
      1.0025,
      1.9075,
      0.8025,
      1.705,
      0.6025,
      1.505,
      0.4,
      1.305,
      0.2,
      1.1025,
      0,
      0.9025,
      1.8075,
      0.7025,
      1.605,
      0.5025,
      1.405,
      0.3,
      1.205,
      0.1,
      1.0025,
      1.9075,
      0.8025,
      1.705,
      0.6025,
      1.505,
      0.4,
      1.305,
      0.2,
      1.1025
    ],
    "TaskName": "flavor",
    "dataset": "ds000231",
    "modality": "bold",
    "run_id": 1,
    "subject_id": "06",
    "task_id": "flavor"
  },
  "dummy_trs": 0,
  "dvars_nstd": 31.339870468042335,
  "dvars_std": 1.0931545106349205,
  "dvars_vstd": 0.9773694859788354,
  "efc": 0.5281789432644197,
  "fber": 2089.5771484375,
  "fd_mean": 0.23181120677953385,
  "fd_num": 179,
  "fd_perc": 47.229551451187334,
  "fwhm_avg": 2.0950614084208143,
  "fwhm_x": 1.992991546641339,
  "fwhm_y": 2.292392678621104,
  "fwhm_z": 1.9998,
  "gcor": 0.00825304,
  "gsr_x": -0.005632658489048481,
  "gsr_y": 0.02980710007250309,
  "provenance": {
    "md5sum": "cd8fddc4a3729cf87fc226659550d024",
    "settings": {
      "fd_thres": 0.2,
      "testing": false
    },
    "software": "mriqc",
    "version": "22.0.6",
    "webapi_port": null,
    "webapi_url": "https://mriqc.nimh.nih.gov/api/v1"
  },
  "size_t": 379,
  "size_x": 104,
  "size_y": 100,
  "size_z": 60,
  "snr": 5.530454533839029,
  "spacing_tr": 2.0,
  "spacing_x": 2.019230842590332,
  "spacing_y": 2.019230842590332,
  "spacing_z": 2.0,
  "summary_bg_k": 43.62691786978691,
  "summary_bg_mad": 12.56886912263806,
  "summary_bg_mean": 41.574398040771484,
  "summary_bg_median": 22.131927490234375,
  "summary_bg_n": 395956.0,
  "summary_bg_p05": 9.886544227600098,
  "summary_bg_p95": 123.06662940979004,
  "summary_bg_stdv": 67.87007904052734,
  "summary_fg_k": 4.479002885131596,
  "summary_fg_mad": 158.3215383951625,
  "summary_fg_mean": 1039.4599609375,
  "summary_fg_median": 1028.89453125,
  "summary_fg_n": 140589.0,
  "summary_fg_p05": 787.3646850585938,
  "summary_fg_p95": 1326.033325195313,
  "summary_fg_stdv": 186.04092407226562,
  "tsnr": 45.79230368020944
}