{
  "aor": 0.0007342216358839051,
  "aqi": 0.010615354564643801,
  "bids_meta": {
    "AcquisitionDateTime": "2013-05-21T11:52:18.812500",
    "CogAtlasID": "http://cognitiveatlas.org/task/id/trm_5887c029d46f4",
    "ConversionSoftware": "dcm2niix",
    "ConversionSoftwareVersion": "v1.0.20170207",
    "DeviceSerialNumber": "35407",
    "EchoTime": 0.032,
    "EffectiveEchoSpacing": 0.000689988,
    "FlipAngle": 62,
    "HardcopyDeviceSoftwareVersion": "syngo MR B17",
    "ImageType": [
      "ORIGINAL",
      "PRIMARY",
      "M",
      "ND",
      "NORM",
      "MOSAIC"
    ],
    "InstitutionAddress": "Cedar Street 333, New Haven, Connecticut, US 06510",
    "InstitutionName": "Yale MRRC",
    "MagneticFieldStrength": 3,
    "Manufacturer": "Siemens",
    "ManufacturersModelName": "TrioTim",
    "MultibandAccelerationFactor": "3",
    "PhaseEncodingDirection": "j-",
    "ProcedureStepDescription": "MRRC_Research_SiteProtocols",
    "ProtocolName": "cmrr_mbep2d_bold_379",
    "PulseSequenceType": "EP SKSP PFPS",
    "RepetitionTime": 2,
    "SequenceName": "epfid2d1_100",
    "SliceTiming": [
      0,
      0.9025,
      1.8075,
      0.7025,
      1.605,
      0.5025,
      1.405,
      0.3,
      1.205,
      0.1,
      1.0025,
      1.9075,
      0.8025,
      1.705,
      0.6025,
      1.505,
      0.4,
      1.305,
      0.2,
      1.1025,
      0,
      0.9025,
      1.8075,
      0.7025,
      1.605,
      0.5025,
      1.405,
      0.3,
      1.205,
      0.1,
      1.0025,
      1.9075,
      0.8025,
      1.705,
      0.6025,
      1.505,
      0.4,
      1.305,
      0.2,
      1.1025,
      0,
      0.9025,
      1.8075,
      0.7025,
      1.605,
      0.5025,
      1.405,
      0.3,
      1.205,
      0.1,
      1.0025,
      1.9075,
      0.8025,
      1.705,
      0.6025,
      1.505,
      0.4,
      1.305,
      0.2,
      1.1025
    ],
    "TaskName": "flavor",
    "dataset": "ds000231",
    "modality": "bold",
    "run_id": 3,
    "subject_id": "06",
    "task_id": "flavor"
  },
  "dummy_trs": 0,
  "dvars_nstd": 31.93184011439154,
  "dvars_std": 1.143238503597884,
  "dvars_vstd": 1.0028165363492065,
  "efc": 0.5291754856327412,
  "fber": 1994.334716796875,
  "fd_mean": 0.21414338323062054,
  "fd_num": 178,
  "fd_perc": 46.96569920844327,
  "fwhm_avg": 2.0681769645956023,
  "fwhm_x": 1.973494023540169,
  "fwhm_y": 2.2607568702466376,
  "fwhm_z": 1.97028,
  "gcor": 0.0100962,
  "gsr_x": -0.0059753963723778725,
  "gsr_y": 0.030334267765283585,
  "provenance": {
    "md5sum": "d18bef256ead9a42f439097f05937eaa",
    "settings": {
      "fd_thres": 0.2,
      "testing": false
    },
    "software": "mriqc",
    "version": "22.0.6",
    "webapi_port": null,
    "webapi_url": "https://mriqc.nimh.nih.gov/api/v1"
  },
  "size_t": 379,
  "size_x": 104,
  "size_y": 100,
  "size_z": 60,
  "snr": 5.543035382652781,
  "spacing_tr": 2.0,
  "spacing_x": 2.019230842590332,
  "spacing_y": 2.019230842590332,
  "spacing_z": 2.0,
  "summary_bg_k": 40.38334179644429,
  "summary_bg_mad": 12.932673478284126,
  "summary_bg_mean": 42.38182067871094,
  "summary_bg_median": 22.498682022094727,
  "summary_bg_n": 396416.0,
  "summary_bg_p05": 10.039578437805176,
  "summary_bg_p95": 127.11478233337402,
  "summary_bg_stdv": 67.84872436523438,
  "summary_fg_k": 4.4857416732024635,
  "summary_fg_mad": 157.83641690508628,
  "summary_fg_mean": 1034.696533203125,
  "summary_fg_median": 1024.369384765625,
  "summary_fg_n": 140035.0,
  "summary_fg_p05": 784.3023986816406,
  "summary_fg_p95": 1319.2100708007813,
  "summary_fg_stdv": 184.80230712890625,
  "tsnr": 50.48120285477489
}