{
  "aor": 0.0013267282321899735,
  "aqi": 0.013100155778364113,
  "bids_meta": {
    "AcquisitionDateTime": "2013-05-21T11:52:18.812500",
    "CogAtlasID": "http://cognitiveatlas.org/task/id/trm_5887c029d46f4",
    "ConversionSoftware": "dcm2niix",
    "ConversionSoftwareVersion": "v1.0.20170207",
    "DeviceSerialNumber": "35407",
    "EchoTime": 0.032,
    "EffectiveEchoSpacing": 0.000689988,
    "FlipAngle": 62,
    "HardcopyDeviceSoftwareVersion": "syngo MR B17",
    "ImageType": [
      "ORIGINAL",
      "PRIMARY",
      "M",
      "ND",
      "NORM",
      "MOSAIC"
    ],
    "InstitutionAddress": "Cedar Street 333, New Haven, Connecticut, US 06510",
    "InstitutionName": "Yale MRRC",
    "MagneticFieldStrength": 3,
    "Manufacturer": "Siemens",
    "ManufacturersModelName": "TrioTim",
    "MultibandAccelerationFactor": "3",
    "PhaseEncodingDirection": "j-",
    "ProcedureStepDescription": "MRRC_Research_SiteProtocols",
    "ProtocolName": "cmrr_mbep2d_bold_379",
    "PulseSequenceType": "EP SKSP PFPS",
    "RepetitionTime": 2,
    "SequenceName": "epfid2d1_100",
    "SliceTiming": [
      0,
      0.9025,
      1.8075,
      0.7025,
      1.605,
      0.5025,
      1.405,
      0.3,
      1.205,
      0.1,
      1.0025,
      1.9075,
      0.8025,
      1.705,
      0.6025,
      1.505,
      0.4,
      1.305,
      0.2,
      1.1025,
      0,
      0.9025,
      1.8075,
      0.7025,
      1.605,
      0.5025,
      1.405,
      0.3,
      1.205,
      0.1,
      1.0025,
      1.9075,
      0.8025,
      1.705,
      0.6025,
      1.505,
      0.4,
      1.305,
      0.2,
      1.1025,
      0,
      0.9025,
      1.8075,
      0.7025,
      1.605,
      0.5025,
      1.405,
      0.3,
      1.205,
      0.1,
      1.0025,
      1.9075,
      0.8025,
      1.705,
      0.6025,
      1.505,
      0.4,
      1.305,
      0.2,
      1.1025
    ],
    "TaskName": "flavor",
    "dataset": "ds000231",
    "modality": "bold",
    "run_id": 1,
    "subject_id": "01",
    "task_id": "flavor"
  },
  "dummy_trs": 0,
  "dvars_nstd": 31.347225037857136,
  "dvars_std": 1.1281857073809527,
  "dvars_vstd": 0.9990092077777775,
  "efc": 0.5143275926442957,
  "fber": 1893.2579345703125,
  "fd_mean": 0.18322780228142813,
  "fd_num": 128,
  "fd_perc": 33.773087071240106,
  "fwhm_avg": 2.1284728359334006,
  "fwhm_x": 2.0237854502844876,
  "fwhm_y": 2.3490330575157143,
  "fwhm_z": 2.0126,
  "gcor": 0.0261597,
  "gsr_x": -0.01902473159134388,
  "gsr_y": 0.039449408650398254,
  "provenance": {
    "md5sum": "eb96e8414f88fa92f988017952c5cc42",
    "settings": {
      "fd_thres": 0.2,
      "testing": false
    },
    "software": "mriqc",
    "version": "22.0.6",
    "webapi_port": null,
    "webapi_url": "https://mriqc.nimh.nih.gov/api/v1"
  },
  "size_t": 379,
  "size_x": 104,
  "size_y": 100,
  "size_z": 60,
  "snr": 5.90262110043834,
  "spacing_tr": 2.0,
  "spacing_x": 2.019230842590332,
  "spacing_y": 2.019230842590332,
  "spacing_z": 2.0,
  "summary_bg_k": 26.091846123526633,
  "summary_bg_mad": 16.98146776477004,
  "summary_bg_mean": 61.346038818359375,
  "summary_bg_median": 27.263853073120117,
  "summary_bg_n": 418896.0,
  "summary_bg_p05": 11.274406433105469,
  "summary_bg_p95": 229.4089813232422,
  "summary_bg_stdv": 104.99911499023438,
  "summary_fg_k": 3.4098429765088882,
  "summary_fg_mad": 176.70348933866552,
  "summary_fg_mean": 1222.7137451171875,
  "summary_fg_median": 1211.7255859375,
  "summary_fg_n": 121149.0,
  "summary_fg_p05": 939.3092651367188,
  "summary_fg_p95": 1544.2385986328125,
  "summary_fg_stdv": 205.28517150878906,
  "tsnr": 48.596329897642136
}