{
  "aor": 0.00024416886543535626,
  "aqi": 0.0116404118469657,
  "bids_meta": {
    "AcquisitionDateTime": "2013-05-21T11:52:18.812500",
    "CogAtlasID": "http://cognitiveatlas.org/task/id/trm_5887c029d46f4",
    "ConversionSoftware": "dcm2niix",
    "ConversionSoftwareVersion": "v1.0.20170207",
    "DeviceSerialNumber": "35407",
    "EchoTime": 0.032,
    "EffectiveEchoSpacing": 0.000689988,
    "FlipAngle": 62,
    "HardcopyDeviceSoftwareVersion": "syngo MR B17",
    "ImageType": [
      "ORIGINAL",
      "PRIMARY",
      "M",
      "ND",
      "NORM",
      "MOSAIC"
    ],
    "InstitutionAddress": "Cedar Street 333, New Haven, Connecticut, US 06510",
    "InstitutionName": "Yale MRRC",
    "MagneticFieldStrength": 3,
    "Manufacturer": "Siemens",
    "ManufacturersModelName": "TrioTim",
    "MultibandAccelerationFactor": "3",
    "PhaseEncodingDirection": "j-",
    "ProcedureStepDescription": "MRRC_Research_SiteProtocols",
    "ProtocolName": "cmrr_mbep2d_bold_379",
    "PulseSequenceType": "EP SKSP PFPS",
    "RepetitionTime": 2,
    "SequenceName": "epfid2d1_100",
    "SliceTiming": [
      0,
      0.9025,
      1.8075,
      0.7025,
      1.605,
      0.5025,
      1.405,
      0.3,
      1.205,
      0.1,
      1.0025,
      1.9075,
      0.8025,
      1.705,
      0.6025,
      1.505,
      0.4,
      1.305,
      0.2,
      1.1025,
      0,
      0.9025,
      1.8075,
      0.7025,
      1.605,
      0.5025,
      1.405,
      0.3,
      1.205,
      0.1,
      1.0025,
      1.9075,
      0.8025,
      1.705,
      0.6025,
      1.505,
      0.4,
      1.305,
      0.2,
      1.1025,
      0,
      0.9025,
      1.8075,
      0.7025,
      1.605,
      0.5025,
      1.405,
      0.3,
      1.205,
      0.1,
      1.0025,
      1.9075,
      0.8025,
      1.705,
      0.6025,
      1.505,
      0.4,
      1.305,
      0.2,
      1.1025
    ],
    "TaskName": "flavor",
    "dataset": "ds000231",
    "modality": "bold",
    "run_id": 1,
    "subject_id": "04",
    "task_id": "flavor"
  },
  "dummy_trs": 0,
  "dvars_nstd": 33.232825854576724,
  "dvars_std": 1.1927740232010577,
  "dvars_vstd": 0.9922400421693122,
  "efc": 0.5542795241890093,
  "fber": 1904.0428466796875,
  "fd_mean": 0.1771322855754204,
  "fd_num": 139,
  "fd_perc": 36.675461741424805,
  "fwhm_avg": 2.115115836807463,
  "fwhm_x": 2.0385187830825524,
  "fwhm_y": 2.2621237273398362,
  "fwhm_z": 2.044705,
  "gcor": 0.0116966,
  "gsr_x": -0.0005996804684400558,
  "gsr_y": 0.02442185766994953,
  "provenance": {
    "md5sum": "393836140b4abcdded267a9f346340cf",
    "settings": {
      "fd_thres": 0.2,
      "testing": false
    },
    "software": "mriqc",
    "version": "22.0.6",
    "webapi_port": null,
    "webapi_url": "https://mriqc.nimh.nih.gov/api/v1"
  },
  "size_t": 379,
  "size_x": 104,
  "size_y": 100,
  "size_z": 60,
  "snr": 5.8851524991010695,
  "spacing_tr": 2.0,
  "spacing_x": 2.019230842590332,
  "spacing_y": 2.019230842590332,
  "spacing_z": 2.0,
  "summary_bg_k": 32.910990701021404,
  "summary_bg_mad": 13.292566932158278,
  "summary_bg_mean": 44.49312210083008,
  "summary_bg_median": 23.725595474243164,
  "summary_bg_n": 378385.0,
  "summary_bg_p05": 11.229552268981934,
  "summary_bg_p95": 135.53721313476555,
  "summary_bg_stdv": 66.09056854248047,
  "summary_fg_k": 4.079481169482723,
  "summary_fg_mad": 147.6774154792049,
  "summary_fg_mean": 1058.532470703125,
  "summary_fg_median": 1051.143798828125,
  "summary_fg_n": 156766.0,
  "summary_fg_p05": 803.9175720214844,
  "summary_fg_p95": 1336.6768188476562,
  "summary_fg_stdv": 178.60887145996094,
  "tsnr": 52.193215338513255
}