{
  "aor": 0.0003066490765171504,
  "aqi": 0.011177421187335094,
  "bids_meta": {
    "AcquisitionDateTime": "2013-05-21T11:52:18.812500",
    "CogAtlasID": "http://cognitiveatlas.org/task/id/trm_5887c029d46f4",
    "ConversionSoftware": "dcm2niix",
    "ConversionSoftwareVersion": "v1.0.20170207",
    "DeviceSerialNumber": "35407",
    "EchoTime": 0.032,
    "EffectiveEchoSpacing": 0.000689988,
    "FlipAngle": 62,
    "HardcopyDeviceSoftwareVersion": "syngo MR B17",
    "ImageType": [
      "ORIGINAL",
      "PRIMARY",
      "M",
      "ND",
      "NORM",
      "MOSAIC"
    ],
    "InstitutionAddress": "Cedar Street 333, New Haven, Connecticut, US 06510",
    "InstitutionName": "Yale MRRC",
    "MagneticFieldStrength": 3,
    "Manufacturer": "Siemens",
    "ManufacturersModelName": "TrioTim",
    "MultibandAccelerationFactor": "3",
    "PhaseEncodingDirection": "j-",
    "ProcedureStepDescription": "MRRC_Research_SiteProtocols",
    "ProtocolName": "cmrr_mbep2d_bold_379",
    "PulseSequenceType": "EP SKSP PFPS",
    "RepetitionTime": 2,
    "SequenceName": "epfid2d1_100",
    "SliceTiming": [
      0,
      0.9025,
      1.8075,
      0.7025,
      1.605,
      0.5025,
      1.405,
      0.3,
      1.205,
      0.1,
      1.0025,
      1.9075,
      0.8025,
      1.705,
      0.6025,
      1.505,
      0.4,
      1.305,
      0.2,
      1.1025,
      0,
      0.9025,
      1.8075,
      0.7025,
      1.605,
      0.5025,
      1.405,
      0.3,
      1.205,
      0.1,
      1.0025,
      1.9075,
      0.8025,
      1.705,
      0.6025,
      1.505,
      0.4,
      1.305,
      0.2,
      1.1025,
      0,
      0.9025,
      1.8075,
      0.7025,
      1.605,
      0.5025,
      1.405,
      0.3,
      1.205,
      0.1,
      1.0025,
      1.9075,
      0.8025,
      1.705,
      0.6025,
      1.505,
      0.4,
      1.305,
      0.2,
      1.1025
    ],
    "TaskName": "flavor",
    "dataset": "ds000231",
    "modality": "bold",
    "run_id": 3,
    "subject_id": "04",
    "task_id": "flavor"
  },
  "dummy_trs": 0,
  "dvars_nstd": 33.85833584314814,
  "dvars_std": 1.1992777107407417,
  "dvars_vstd": 1.0011486702380958,
  "efc": 0.5564733256123967,
  "fber": 1789.602294921875,
  "fd_mean": 0.18420766655011206,
  "fd_num": 155,
  "fd_perc": 40.89709762532981,
  "fwhm_avg": 2.084661234345951,
  "fwhm_x": 2.0079328794318467,
  "fwhm_y": 2.233825823606007,
  "fwhm_z": 2.012225,
  "gcor": 0.0180184,
  "gsr_x": -0.0012868072371929884,
  "gsr_y": 0.02545306086540222,
  "provenance": {
    "md5sum": "2aa87596c7ee5584febb0d053e125b49",
    "settings": {
      "fd_thres": 0.2,
      "testing": false
    },
    "software": "mriqc",
    "version": "22.0.6",
    "webapi_port": null,
    "webapi_url": "https://mriqc.nimh.nih.gov/api/v1"
  },
  "size_t": 379,
  "size_x": 104,
  "size_y": 100,
  "size_z": 60,
  "snr": 5.9294207874035445,
  "spacing_tr": 2.0,
  "spacing_x": 2.019230842590332,
  "spacing_y": 2.019230842590332,
  "spacing_z": 2.0,
  "summary_bg_k": 33.723447980776754,
  "summary_bg_mad": 13.887172463053215,
  "summary_bg_mean": 45.985408782958984,
  "summary_bg_median": 24.26913070678711,
  "summary_bg_n": 378560.0,
  "summary_bg_p05": 11.443272590637207,
  "summary_bg_p95": 141.767822265625,
  "summary_bg_stdv": 68.40057373046875,
  "summary_fg_k": 3.92808041687056,
  "summary_fg_mad": 145.51599608893903,
  "summary_fg_mean": 1051.208740234375,
  "summary_fg_median": 1043.940673828125,
  "summary_fg_n": 156470.0,
  "summary_fg_p05": 797.6597930908204,
  "summary_fg_p95": 1325.905029296875,
  "summary_fg_stdv": 176.0605926513672,
  "tsnr": 53.4868665530812
}