{
  "aor": 0.00025356200527704484,
  "aqi": 0.01168453079155673,
  "bids_meta": {
    "AcquisitionDateTime": "2013-05-21T11:52:18.812500",
    "CogAtlasID": "http://cognitiveatlas.org/task/id/trm_5887c029d46f4",
    "ConversionSoftware": "dcm2niix",
    "ConversionSoftwareVersion": "v1.0.20170207",
    "DeviceSerialNumber": "35407",
    "EchoTime": 0.032,
    "EffectiveEchoSpacing": 0.000689988,
    "FlipAngle": 62,
    "HardcopyDeviceSoftwareVersion": "syngo MR B17",
    "ImageType": [
      "ORIGINAL",
      "PRIMARY",
      "M",
      "ND",
      "NORM",
      "MOSAIC"
    ],
    "InstitutionAddress": "Cedar Street 333, New Haven, Connecticut, US 06510",
    "InstitutionName": "Yale MRRC",
    "MagneticFieldStrength": 3,
    "Manufacturer": "Siemens",
    "ManufacturersModelName": "TrioTim",
    "MultibandAccelerationFactor": "3",
    "PhaseEncodingDirection": "j-",
    "ProcedureStepDescription": "MRRC_Research_SiteProtocols",
    "ProtocolName": "cmrr_mbep2d_bold_379",
    "PulseSequenceType": "EP SKSP PFPS",
    "RepetitionTime": 2,
    "SequenceName": "epfid2d1_100",
    "SliceTiming": [
      0,
      0.9025,
      1.8075,
      0.7025,
      1.605,
      0.5025,
      1.405,
      0.3,
      1.205,
      0.1,
      1.0025,
      1.9075,
      0.8025,
      1.705,
      0.6025,
      1.505,
      0.4,
      1.305,
      0.2,
      1.1025,
      0,
      0.9025,
      1.8075,
      0.7025,
      1.605,
      0.5025,
      1.405,
      0.3,
      1.205,
      0.1,
      1.0025,
      1.9075,
      0.8025,
      1.705,
      0.6025,
      1.505,
      0.4,
      1.305,
      0.2,
      1.1025,
      0,
      0.9025,
      1.8075,
      0.7025,
      1.605,
      0.5025,
      1.405,
      0.3,
      1.205,
      0.1,
      1.0025,
      1.9075,
      0.8025,
      1.705,
      0.6025,
      1.505,
      0.4,
      1.305,
      0.2,
      1.1025
    ],
    "TaskName": "flavor",
    "dataset": "ds000231",
    "modality": "bold",
    "run_id": 2,
    "subject_id": "04",
    "task_id": "flavor"
  },
  "dummy_trs": 0,
  "dvars_nstd": 34.03072803227511,
  "dvars_std": 1.1968726283068778,
  "dvars_vstd": 0.9945437616666667,
  "efc": 0.5558156345165278,
  "fber": 1791.5321044921875,
  "fd_mean": 0.17037173115808743,
  "fd_num": 122,
  "fd_perc": 32.189973614775724,
  "fwhm_avg": 2.0967911229888263,
  "fwhm_x": 2.0195313552009453,
  "fwhm_y": 2.2425420137655343,
  "fwhm_z": 2.0283,
  "gcor": 0.0190313,
  "gsr_x": -0.0012760332319885492,
  "gsr_y": 0.026133008301258087,
  "provenance": {
    "md5sum": "97a9d33eae342a7cb1bfb5e50b9caef6",
    "settings": {
      "fd_thres": 0.2,
      "testing": false
    },
    "software": "mriqc",
    "version": "22.0.6",
    "webapi_port": null,
    "webapi_url": "https://mriqc.nimh.nih.gov/api/v1"
  },
  "size_t": 379,
  "size_x": 104,
  "size_y": 100,
  "size_z": 60,
  "snr": 5.893442958528515,
  "spacing_tr": 2.0,
  "spacing_x": 2.019230842590332,
  "spacing_y": 2.019230842590332,
  "spacing_z": 2.0,
  "summary_bg_k": 32.75258950054605,
  "summary_bg_mad": 14.020175643450408,
  "summary_bg_mean": 45.73164367675781,
  "summary_bg_median": 24.298154830932617,
  "summary_bg_n": 378601.0,
  "summary_bg_p05": 11.366755485534668,
  "summary_bg_p95": 139.3773193359375,
  "summary_bg_stdv": 67.63038635253906,
  "summary_fg_k": 4.054747905301447,
  "summary_fg_mad": 146.7658558205064,
  "summary_fg_mean": 1054.58447265625,
  "summary_fg_median": 1046.781005859375,
  "summary_fg_n": 156535.0,
  "summary_fg_p05": 801.7802185058594,
  "summary_fg_p95": 1330.9205932617188,
  "summary_fg_stdv": 177.61734008789062,
  "tsnr": 52.2678444434423
}