{
  "bids_meta": {
    "AcquisitionDateTime": "2014-03-04T11:43:31.375000",
    "ConversionSoftware": "dcm2niix",
    "ConversionSoftwareVersion": "v1.0.20170207",
    "EchoTime": 0.00277,
    "FlipAngle": 7,
    "ImageType": [
      "ORIGINAL",
      "PRIMARY",
      "M",
      "ND",
      "NORM"
    ],
    "MagneticFieldStrength": 3,
    "Manufacturer": "Siemens",
    "ManufacturersModelName": "TrioTim",
    "PhaseEncodingDirection": "i-",
    "ProcedureStepDescription": "MRRC_Research_SiteProtocols",
    "ProtocolName": "Sag_3D_MPRAGE_10_05",
    "PulseSequenceType": "T1-weighted 3D FLASH sequence",
    "RepetitionTime": 2.53,
    "dataset": "ds000231",
    "modality": "T1w",
    "subject_id": "08"
  },
  "cjv": 0.26940255967254345,
  "cnr": 4.882655285809777,
  "efc": 0.5102494712410487,
  "fber": -1.0,
  "fwhm_avg": 5.13061,
  "fwhm_x": 5.0794,
  "fwhm_y": 5.36291,
  "fwhm_z": 4.94952,
  "icvs_csf": 0.2528522647759606,
  "icvs_gm": 0.41264958544410385,
  "icvs_wm": 0.3344981497799355,
  "inu_med": 0.5227233171463013,
  "inu_range": 0.1688343957066536,
  "provenance": {
    "md5sum": "c787ed1ca3c407bc56268fc22fb6d2b3",
    "settings": {
      "testing": false
    },
    "software": "mriqc",
    "version": "22.0.6",
    "warnings": {
      "large_rot_frame": true,
      "small_air_mask": false
    },
    "webapi_port": null,
    "webapi_url": "https://mriqc.nimh.nih.gov/api/v1"
  },
  "qi_1": 0.05344776622907155,
  "qi_2": 0.006544546413656541,
  "rpve_csf": 23.116416921395395,
  "rpve_gm": 13.995134529699923,
  "rpve_wm": 20.897350637228897,
  "size_x": 176,
  "size_y": 256,
  "size_z": 256,
  "snr_csf": 1.9063908315102356,
  "snr_gm": 11.874088384109019,
  "snr_total": 15.121860346236772,
  "snr_wm": 31.585101823091065,
  "snrd_csf": 33.04988916762761,
  "snrd_gm": 118.53180675184544,
  "snrd_total": 108.63280613158982,
  "snrd_wm": 174.31672247529642,
  "spacing_x": 1.0,
  "spacing_y": 1.0,
  "spacing_z": 1.0,
  "summary_bg_k": 151.4225409719903,
  "summary_bg_mad": 0.0,
  "summary_bg_mean": 0.9273363003889408,
  "summary_bg_median": 0.0,
  "summary_bg_n": 2302252.0,
  "summary_bg_p05": 0.0,
  "summary_bg_p95": 6.422341000288725,
  "summary_bg_stdv": 3.7584308841273666,
  "summary_csf_k": 0.10257146929290162,
  "summary_csf_mad": 93.65449332691277,
  "summary_csf_mean": 207.83628565894412,
  "summary_csf_median": 189.6028432622552,
  "summary_csf_n": 44656.0,
  "summary_csf_p05": 68.53692261502147,
  "summary_csf_p95": 395.6050224369392,
  "summary_csf_stdv": 99.45532531401987,
  "summary_gm_k": -0.045608672355367474,
  "summary_gm_mad": 57.74649841452032,
  "summary_gm_mean": 676.7151616105975,
  "summary_gm_median": 680.0012993440032,
  "summary_gm_n": 37021.0,
  "summary_gm_p05": 576.7965161055326,
  "summary_gm_p95": 764.6420023776591,
  "summary_gm_stdv": 57.266890163778804,
  "summary_wm_k": 1.10704371391539,
  "summary_wm_mad": 28.47058699518188,
  "summary_wm_mean": 1001.2349550519334,
  "summary_wm_median": 1000.0319832190871,
  "summary_wm_n": 166547.0,
  "summary_wm_p05": 951.4650264009833,
  "summary_wm_p95": 1054.286386296153,
  "summary_wm_stdv": 31.661413870507722,
  "tpm_overlap_csf": 0.15579440677020745,
  "tpm_overlap_gm": 0.4722252456325875,
  "tpm_overlap_wm": 0.5162025505701602,
  "wm2max": 0.5805189234135633
}