{
  "aor": 0.001839287598944591,
  "aqi": 0.011701151662269128,
  "bids_meta": {
    "AcquisitionDateTime": "2013-05-21T11:52:18.812500",
    "CogAtlasID": "http://cognitiveatlas.org/task/id/trm_5887c029d46f4",
    "ConversionSoftware": "dcm2niix",
    "ConversionSoftwareVersion": "v1.0.20170207",
    "DeviceSerialNumber": "35407",
    "EchoTime": 0.032,
    "EffectiveEchoSpacing": 0.000689988,
    "FlipAngle": 62,
    "HardcopyDeviceSoftwareVersion": "syngo MR B17",
    "ImageType": [
      "ORIGINAL",
      "PRIMARY",
      "M",
      "ND",
      "NORM",
      "MOSAIC"
    ],
    "InstitutionAddress": "Cedar Street 333, New Haven, Connecticut, US 06510",
    "InstitutionName": "Yale MRRC",
    "MagneticFieldStrength": 3,
    "Manufacturer": "Siemens",
    "ManufacturersModelName": "TrioTim",
    "MultibandAccelerationFactor": "3",
    "PhaseEncodingDirection": "j-",
    "ProcedureStepDescription": "MRRC_Research_SiteProtocols",
    "ProtocolName": "cmrr_mbep2d_bold_379",
    "PulseSequenceType": "EP SKSP PFPS",
    "RepetitionTime": 2,
    "SequenceName": "epfid2d1_100",
    "SliceTiming": [
      0,
      0.9025,
      1.8075,
      0.7025,
      1.605,
      0.5025,
      1.405,
      0.3,
      1.205,
      0.1,
      1.0025,
      1.9075,
      0.8025,
      1.705,
      0.6025,
      1.505,
      0.4,
      1.305,
      0.2,
      1.1025,
      0,
      0.9025,
      1.8075,
      0.7025,
      1.605,
      0.5025,
      1.405,
      0.3,
      1.205,
      0.1,
      1.0025,
      1.9075,
      0.8025,
      1.705,
      0.6025,
      1.505,
      0.4,
      1.305,
      0.2,
      1.1025,
      0,
      0.9025,
      1.8075,
      0.7025,
      1.605,
      0.5025,
      1.405,
      0.3,
      1.205,
      0.1,
      1.0025,
      1.9075,
      0.8025,
      1.705,
      0.6025,
      1.505,
      0.4,
      1.305,
      0.2,
      1.1025
    ],
    "TaskName": "flavor",
    "dataset": "ds000231",
    "modality": "bold",
    "run_id": 3,
    "subject_id": "02",
    "task_id": "flavor"
  },
  "dummy_trs": 0,
  "dvars_nstd": 33.26948795619044,
  "dvars_std": 1.2948625738624342,
  "dvars_vstd": 1.0114041236243394,
  "efc": 0.5070958162804583,
  "fber": 2363.100341796875,
  "fd_mean": 0.13523515317564977,
  "fd_num": 47,
  "fd_perc": 12.401055408970976,
  "fwhm_avg": 2.1359487570063123,
  "fwhm_x": 2.033526783263914,
  "fwhm_y": 2.303124487755022,
  "fwhm_z": 2.071195,
  "gcor": 0.016901,
  "gsr_x": -0.00556721817702055,
  "gsr_y": 0.021439194679260254,
  "provenance": {
    "md5sum": "ee028d57555d2562720fc8f678c561dd",
    "settings": {
      "fd_thres": 0.2,
      "testing": false
    },
    "software": "mriqc",
    "version": "22.0.6",
    "webapi_port": null,
    "webapi_url": "https://mriqc.nimh.nih.gov/api/v1"
  },
  "size_t": 379,
  "size_x": 104,
  "size_y": 100,
  "size_z": 60,
  "snr": 5.682414575028392,
  "spacing_tr": 2.0,
  "spacing_x": 2.019230842590332,
  "spacing_y": 2.019230842590332,
  "spacing_z": 2.0,
  "summary_bg_k": 31.770075722123636,
  "summary_bg_mad": 12.212887984455481,
  "summary_bg_mean": 48.384368896484375,
  "summary_bg_median": 23.849605560302734,
  "summary_bg_n": 414247.0,
  "summary_bg_p05": 11.675461769104004,
  "summary_bg_p95": 160.8229629516593,
  "summary_bg_stdv": 81.09263610839844,
  "summary_fg_k": 3.695570816421231,
  "summary_fg_mad": 173.7619030156088,
  "summary_fg_mean": 1184.22314453125,
  "summary_fg_median": 1171.90771484375,
  "summary_fg_n": 125940.0,
  "summary_fg_p05": 897.7461029052735,
  "summary_fg_p95": 1504.4307006835936,
  "summary_fg_stdv": 206.23329162597656,
  "tsnr": 52.158402369357646
}