{
  "aor": 0.0005129551451187335,
  "aqi": 0.009802082163588391,
  "bids_meta": {
    "AcquisitionDateTime": "2013-05-21T11:52:18.812500",
    "CogAtlasID": "http://cognitiveatlas.org/task/id/trm_5887c029d46f4",
    "ConversionSoftware": "dcm2niix",
    "ConversionSoftwareVersion": "v1.0.20170207",
    "DeviceSerialNumber": "35407",
    "EchoTime": 0.032,
    "EffectiveEchoSpacing": 0.000689988,
    "FlipAngle": 62,
    "HardcopyDeviceSoftwareVersion": "syngo MR B17",
    "ImageType": [
      "ORIGINAL",
      "PRIMARY",
      "M",
      "ND",
      "NORM",
      "MOSAIC"
    ],
    "InstitutionAddress": "Cedar Street 333, New Haven, Connecticut, US 06510",
    "InstitutionName": "Yale MRRC",
    "MagneticFieldStrength": 3,
    "Manufacturer": "Siemens",
    "ManufacturersModelName": "TrioTim",
    "MultibandAccelerationFactor": "3",
    "PhaseEncodingDirection": "j-",
    "ProcedureStepDescription": "MRRC_Research_SiteProtocols",
    "ProtocolName": "cmrr_mbep2d_bold_379",
    "PulseSequenceType": "EP SKSP PFPS",
    "RepetitionTime": 2,
    "SequenceName": "epfid2d1_100",
    "SliceTiming": [
      0,
      0.9025,
      1.8075,
      0.7025,
      1.605,
      0.5025,
      1.405,
      0.3,
      1.205,
      0.1,
      1.0025,
      1.9075,
      0.8025,
      1.705,
      0.6025,
      1.505,
      0.4,
      1.305,
      0.2,
      1.1025,
      0,
      0.9025,
      1.8075,
      0.7025,
      1.605,
      0.5025,
      1.405,
      0.3,
      1.205,
      0.1,
      1.0025,
      1.9075,
      0.8025,
      1.705,
      0.6025,
      1.505,
      0.4,
      1.305,
      0.2,
      1.1025,
      0,
      0.9025,
      1.8075,
      0.7025,
      1.605,
      0.5025,
      1.405,
      0.3,
      1.205,
      0.1,
      1.0025,
      1.9075,
      0.8025,
      1.705,
      0.6025,
      1.505,
      0.4,
      1.305,
      0.2,
      1.1025
    ],
    "TaskName": "flavor",
    "dataset": "ds000231",
    "modality": "bold",
    "run_id": 1,
    "subject_id": "02",
    "task_id": "flavor"
  },
  "dummy_trs": 0,
  "dvars_nstd": 33.7043644989153,
  "dvars_std": 1.3241112180687826,
  "dvars_vstd": 1.0017989293915341,
  "efc": 0.5051686488863583,
  "fber": 2415.84423828125,
  "fd_mean": 0.12633716318218385,
  "fd_num": 44,
  "fd_perc": 11.609498680738787,
  "fwhm_avg": 2.1279262968873653,
  "fwhm_x": 2.0276879263331846,
  "fwhm_y": 2.2925709643289123,
  "fwhm_z": 2.06352,
  "gcor": 0.0204826,
  "gsr_x": -0.005834104958921671,
  "gsr_y": 0.02135658450424671,
  "provenance": {
    "md5sum": "9cf82ffc02a257745aa3fe10a1582e2f",
    "settings": {
      "fd_thres": 0.2,
      "testing": false
    },
    "software": "mriqc",
    "version": "22.0.6",
    "webapi_port": null,
    "webapi_url": "https://mriqc.nimh.nih.gov/api/v1"
  },
  "size_t": 379,
  "size_x": 104,
  "size_y": 100,
  "size_z": 60,
  "snr": 5.647280191493207,
  "spacing_tr": 2.0,
  "spacing_x": 2.019230842590332,
  "spacing_y": 2.019230842590332,
  "spacing_z": 2.0,
  "summary_bg_k": 34.35062298533504,
  "summary_bg_mad": 11.872554695119529,
  "summary_bg_mean": 46.90797424316406,
  "summary_bg_median": 23.620054244995117,
  "summary_bg_n": 414296.0,
  "summary_bg_p05": 11.672823905944824,
  "summary_bg_p95": 152.75726318359375,
  "summary_bg_stdv": 78.92137908935547,
  "summary_fg_k": 3.8062631756307077,
  "summary_fg_mad": 174.45406758893333,
  "summary_fg_mean": 1187.7545166015625,
  "summary_fg_median": 1173.8048095703125,
  "summary_fg_n": 125899.0,
  "summary_fg_p05": 900.3715270996094,
  "summary_fg_p95": 1509.9863647460936,
  "summary_fg_stdv": 207.852294921875,
  "tsnr": 57.370378284249455
}