{
  "bids_meta": {
    "AcquisitionDateTime": "2013-11-19T12:06:11.421875",
    "ConversionSoftware": "dcm2niix",
    "ConversionSoftwareVersion": "v1.0.20170207",
    "EchoTime": 0.00277,
    "FlipAngle": 7,
    "ImageType": [
      "ORIGINAL",
      "PRIMARY",
      "M",
      "ND",
      "NORM"
    ],
    "MagneticFieldStrength": 3,
    "Manufacturer": "Siemens",
    "ManufacturersModelName": "TrioTim",
    "PhaseEncodingDirection": "i-",
    "ProcedureStepDescription": "MRRC_Research_SiteProtocols",
    "ProtocolName": "Sag_3D_MPRAGE_10_05",
    "PulseSequenceType": "T1-weighted 3D FLASH sequence",
    "RepetitionTime": 2.53,
    "SliceTiming": [
      0,
      0.9025,
      1.8075,
      0.7025,
      1.6075,
      0.5025,
      1.405,
      0.3025,
      1.205,
      0.1,
      1.005,
      1.9075,
      0.8025,
      1.7075,
      0.6025,
      1.505,
      0.4025,
      1.305,
      0.2,
      1.105,
      0,
      0.9025,
      1.8075,
      0.7025,
      1.6075,
      0.5025,
      1.405,
      0.3025,
      1.205,
      0.1,
      1.005,
      1.9075,
      0.8025,
      1.7075,
      0.6025,
      1.505,
      0.4025,
      1.305,
      0.2,
      1.105,
      0,
      0.9025,
      1.8075,
      0.7025,
      1.6075,
      0.5025,
      1.405,
      0.3025,
      1.205,
      0.1,
      1.005,
      1.9075,
      0.8025,
      1.7075,
      0.6025,
      1.505,
      0.4025,
      1.305,
      0.2,
      1.105
    ],
    "dataset": "ds000231",
    "modality": "T1w",
    "subject_id": "07"
  },
  "cjv": 0.28702508052813497,
  "cnr": 4.624590156861346,
  "efc": 0.5101973922472126,
  "fber": -1.0,
  "fwhm_avg": 5.038633333333333,
  "fwhm_x": 5.00508,
  "fwhm_y": 5.32319,
  "fwhm_z": 4.78763,
  "icvs_csf": 0.25049433030417456,
  "icvs_gm": 0.4017162494016901,
  "icvs_wm": 0.3477894202941354,
  "inu_med": 0.4509495794773102,
  "inu_range": 0.12024728357791897,
  "provenance": {
    "md5sum": "8b4e0cbd832dc223d451710ac2694ece",
    "settings": {
      "testing": false
    },
    "software": "mriqc",
    "version": "22.0.6",
    "warnings": {
      "large_rot_frame": true,
      "small_air_mask": false
    },
    "webapi_port": null,
    "webapi_url": "https://mriqc.nimh.nih.gov/api/v1"
  },
  "qi_1": 0.048263960966874915,
  "qi_2": 0.007590271245462472,
  "rpve_csf": 25.344329755419444,
  "rpve_gm": 15.281004437738767,
  "rpve_wm": 21.888501921689713,
  "size_x": 176,
  "size_y": 256,
  "size_z": 256,
  "snr_csf": 1.7839318424183073,
  "snr_gm": 11.395834950145982,
  "snr_total": 14.715266398970856,
  "snr_wm": 30.966032404348283,
  "snrd_csf": 36.2786029018578,
  "snrd_gm": 141.41870747323605,
  "snrd_total": 128.11575958063662,
  "snrd_wm": 206.649968366816,
  "spacing_x": 1.0,
  "spacing_y": 1.0,
  "spacing_z": 1.0,
  "summary_bg_k": 66.90120571486108,
  "summary_bg_mad": 0.0,
  "summary_bg_mean": 0.8481818574668469,
  "summary_bg_median": 0.0,
  "summary_bg_n": 2100038.0,
  "summary_bg_p05": 0.0,
  "summary_bg_p95": 6.047864556312561,
  "summary_bg_stdv": 3.170362307666661,
  "summary_csf_k": 0.2837226099305217,
  "summary_csf_mad": 86.9331028739218,
  "summary_csf_mean": 195.95061997262002,
  "summary_csf_median": 175.56086826324463,
  "summary_csf_n": 37417.0,
  "summary_csf_p05": 66.86634250879288,
  "summary_csf_p95": 389.1656845211983,
  "summary_csf_stdv": 98.4110031947834,
  "summary_gm_k": -0.17199918537303827,
  "summary_gm_mad": 61.61319619207718,
  "summary_gm_mean": 681.7856488497115,
  "summary_gm_median": 684.3590735793114,
  "summary_gm_n": 35594.0,
  "summary_gm_p05": 579.0873511701823,
  "summary_gm_p95": 775.681828379631,
  "summary_gm_stdv": 60.05259492618787,
  "summary_wm_k": 1.0219015134031233,
  "summary_wm_mad": 28.991933620526964,
  "summary_wm_mean": 1000.0438539076074,
  "summary_wm_median": 1000.028804063797,
  "summary_wm_n": 167813.0,
  "summary_wm_p05": 946.1740101575851,
  "summary_wm_p95": 1052.3860315084457,
  "summary_wm_stdv": 32.29428334274301,
  "tpm_overlap_csf": 0.14867224231076048,
  "tpm_overlap_gm": 0.46739118679889463,
  "tpm_overlap_wm": 0.5187660734553298,
  "wm2max": 0.6062045006197517
}