{
  "aor": 0.0013353825857519788,
  "aqi": 0.01424542517150396,
  "bids_meta": {
    "AcquisitionDateTime": "2013-05-21T11:52:18.812500",
    "CogAtlasID": "http://cognitiveatlas.org/task/id/trm_5887c029d46f4",
    "ConversionSoftware": "dcm2niix",
    "ConversionSoftwareVersion": "v1.0.20170207",
    "DeviceSerialNumber": "35407",
    "EchoTime": 0.032,
    "EffectiveEchoSpacing": 0.000689988,
    "FlipAngle": 62,
    "HardcopyDeviceSoftwareVersion": "syngo MR B17",
    "ImageType": [
      "ORIGINAL",
      "PRIMARY",
      "M",
      "ND",
      "NORM",
      "MOSAIC"
    ],
    "InstitutionAddress": "Cedar Street 333, New Haven, Connecticut, US 06510",
    "InstitutionName": "Yale MRRC",
    "MagneticFieldStrength": 3,
    "Manufacturer": "Siemens",
    "ManufacturersModelName": "TrioTim",
    "MultibandAccelerationFactor": "3",
    "PhaseEncodingDirection": "j-",
    "ProcedureStepDescription": "MRRC_Research_SiteProtocols",
    "ProtocolName": "cmrr_mbep2d_bold_379",
    "PulseSequenceType": "EP SKSP PFPS",
    "RepetitionTime": 2,
    "SequenceName": "epfid2d1_100",
    "SliceTiming": [
      0,
      0.9025,
      1.8075,
      0.7025,
      1.605,
      0.5025,
      1.405,
      0.3,
      1.205,
      0.1,
      1.0025,
      1.9075,
      0.8025,
      1.705,
      0.6025,
      1.505,
      0.4,
      1.305,
      0.2,
      1.1025,
      0,
      0.9025,
      1.8075,
      0.7025,
      1.605,
      0.5025,
      1.405,
      0.3,
      1.205,
      0.1,
      1.0025,
      1.9075,
      0.8025,
      1.705,
      0.6025,
      1.505,
      0.4,
      1.305,
      0.2,
      1.1025,
      0,
      0.9025,
      1.8075,
      0.7025,
      1.605,
      0.5025,
      1.405,
      0.3,
      1.205,
      0.1,
      1.0025,
      1.9075,
      0.8025,
      1.705,
      0.6025,
      1.505,
      0.4,
      1.305,
      0.2,
      1.1025
    ],
    "TaskName": "flavor",
    "dataset": "ds000231",
    "modality": "bold",
    "run_id": 2,
    "subject_id": "01",
    "task_id": "flavor"
  },
  "dummy_trs": 0,
  "dvars_nstd": 34.65355271140212,
  "dvars_std": 1.1386633499206362,
  "dvars_vstd": 1.006957882830688,
  "efc": 0.5156520541045776,
  "fber": 1836.21044921875,
  "fd_mean": 0.25415394048281303,
  "fd_num": 224,
  "fd_perc": 59.10290237467019,
  "fwhm_avg": 2.117350582132954,
  "fwhm_x": 2.0084033556052305,
  "fwhm_y": 2.3505583907936316,
  "fwhm_z": 1.99309,
  "gcor": 0.0160992,
  "gsr_x": -0.01931202970445156,
  "gsr_y": 0.039460618048906326,
  "provenance": {
    "md5sum": "2fc1364490f1291d77c518c40b3dc7ae",
    "settings": {
      "fd_thres": 0.2,
      "testing": false
    },
    "software": "mriqc",
    "version": "22.0.6",
    "webapi_port": null,
    "webapi_url": "https://mriqc.nimh.nih.gov/api/v1"
  },
  "size_t": 379,
  "size_x": 104,
  "size_y": 100,
  "size_z": 60,
  "snr": 5.898951494094691,
  "spacing_tr": 2.0,
  "spacing_x": 2.019230842590332,
  "spacing_y": 2.019230842590332,
  "spacing_z": 2.0,
  "summary_bg_k": 26.84024856818505,
  "summary_bg_mad": 17.474364399041384,
  "summary_bg_mean": 62.53974151611328,
  "summary_bg_median": 27.55409049987793,
  "summary_bg_n": 419126.0,
  "summary_bg_p05": 11.097625732421875,
  "summary_bg_p95": 235.47098541259766,
  "summary_bg_stdv": 107.5527572631836,
  "summary_fg_k": 3.5759369537103467,
  "summary_fg_mad": 174.3622193679993,
  "summary_fg_mean": 1215.4503173828125,
  "summary_fg_median": 1205.4261474609375,
  "summary_fg_n": 120852.0,
  "summary_fg_p05": 932.5793243408203,
  "summary_fg_p95": 1531.552197265625,
  "summary_fg_stdv": 204.34498596191406,
  "tsnr": 46.80601538694464
}