{
  "aor": 0.0016908707124010556,
  "aqi": 0.012501841556728234,
  "bids_meta": {
    "AcquisitionDateTime": "2013-05-21T11:52:18.812500",
    "CogAtlasID": "http://cognitiveatlas.org/task/id/trm_5887c029d46f4",
    "ConversionSoftware": "dcm2niix",
    "ConversionSoftwareVersion": "v1.0.20170207",
    "DeviceSerialNumber": "35407",
    "EchoTime": 0.032,
    "EffectiveEchoSpacing": 0.000689988,
    "FlipAngle": 62,
    "HardcopyDeviceSoftwareVersion": "syngo MR B17",
    "ImageType": [
      "ORIGINAL",
      "PRIMARY",
      "M",
      "ND",
      "NORM",
      "MOSAIC"
    ],
    "InstitutionAddress": "Cedar Street 333, New Haven, Connecticut, US 06510",
    "InstitutionName": "Yale MRRC",
    "MagneticFieldStrength": 3,
    "Manufacturer": "Siemens",
    "ManufacturersModelName": "TrioTim",
    "MultibandAccelerationFactor": "3",
    "PhaseEncodingDirection": "j-",
    "ProcedureStepDescription": "MRRC_Research_SiteProtocols",
    "ProtocolName": "cmrr_mbep2d_bold_379",
    "PulseSequenceType": "EP SKSP PFPS",
    "RepetitionTime": 2,
    "SequenceName": "epfid2d1_100",
    "SliceTiming": [
      0,
      0.9025,
      1.8075,
      0.7025,
      1.605,
      0.5025,
      1.405,
      0.3,
      1.205,
      0.1,
      1.0025,
      1.9075,
      0.8025,
      1.705,
      0.6025,
      1.505,
      0.4,
      1.305,
      0.2,
      1.1025,
      0,
      0.9025,
      1.8075,
      0.7025,
      1.605,
      0.5025,
      1.405,
      0.3,
      1.205,
      0.1,
      1.0025,
      1.9075,
      0.8025,
      1.705,
      0.6025,
      1.505,
      0.4,
      1.305,
      0.2,
      1.1025,
      0,
      0.9025,
      1.8075,
      0.7025,
      1.605,
      0.5025,
      1.405,
      0.3,
      1.205,
      0.1,
      1.0025,
      1.9075,
      0.8025,
      1.705,
      0.6025,
      1.505,
      0.4,
      1.305,
      0.2,
      1.1025
    ],
    "TaskName": "flavor",
    "dataset": "ds000231",
    "modality": "bold",
    "run_id": 3,
    "subject_id": "01",
    "task_id": "flavor"
  },
  "dummy_trs": 0,
  "dvars_nstd": 32.86398604042326,
  "dvars_std": 1.1552689919047623,
  "dvars_vstd": 1.0168775521164017,
  "efc": 0.5166239990667921,
  "fber": 1800.6751708984375,
  "fd_mean": 0.20166052461700115,
  "fd_num": 156,
  "fd_perc": 41.16094986807388,
  "fwhm_avg": 2.122626835917028,
  "fwhm_x": 2.023102021737888,
  "fwhm_y": 2.351068486013195,
  "fwhm_z": 1.99371,
  "gcor": 0.0155516,
  "gsr_x": -0.01977219618856907,
  "gsr_y": 0.03948836401104927,
  "provenance": {
    "md5sum": "7b2842467ef491f7f358b93f3eaa1f07",
    "settings": {
      "fd_thres": 0.2,
      "testing": false
    },
    "software": "mriqc",
    "version": "22.0.6",
    "webapi_port": null,
    "webapi_url": "https://mriqc.nimh.nih.gov/api/v1"
  },
  "size_t": 379,
  "size_x": 104,
  "size_y": 100,
  "size_z": 60,
  "snr": 5.885503086775143,
  "spacing_tr": 2.0,
  "spacing_x": 2.019230842590332,
  "spacing_y": 2.019230842590332,
  "spacing_z": 2.0,
  "summary_bg_k": 27.334747213949708,
  "summary_bg_mad": 17.493924563579583,
  "summary_bg_mean": 62.971649169921875,
  "summary_bg_median": 27.823219299316406,
  "summary_bg_n": 418762.0,
  "summary_bg_p05": 11.474934577941895,
  "summary_bg_p95": 238.00475234985302,
  "summary_bg_stdv": 107.14747619628906,
  "summary_fg_k": 3.4112682146990077,
  "summary_fg_mad": 175.41055595866015,
  "summary_fg_mean": 1215.928955078125,
  "summary_fg_median": 1205.8193359375,
  "summary_fg_n": 121104.0,
  "summary_fg_p05": 930.737484741211,
  "summary_fg_p95": 1534.772589111328,
  "summary_fg_stdv": 204.87872314453125,
  "tsnr": 49.486984367715195
}