{
  "aor": 0.001587335092348285,
  "aqi": 0.011826122137203167,
  "bids_meta": {
    "AcquisitionDateTime": "2013-05-21T11:52:18.812500",
    "CogAtlasID": "http://cognitiveatlas.org/task/id/trm_5887c029d46f4",
    "ConversionSoftware": "dcm2niix",
    "ConversionSoftwareVersion": "v1.0.20170207",
    "DeviceSerialNumber": "35407",
    "EchoTime": 0.032,
    "EffectiveEchoSpacing": 0.000689988,
    "FlipAngle": 62,
    "HardcopyDeviceSoftwareVersion": "syngo MR B17",
    "ImageType": [
      "ORIGINAL",
      "PRIMARY",
      "M",
      "ND",
      "NORM",
      "MOSAIC"
    ],
    "InstitutionAddress": "Cedar Street 333, New Haven, Connecticut, US 06510",
    "InstitutionName": "Yale MRRC",
    "MagneticFieldStrength": 3,
    "Manufacturer": "Siemens",
    "ManufacturersModelName": "TrioTim",
    "MultibandAccelerationFactor": "3",
    "PhaseEncodingDirection": "j-",
    "ProcedureStepDescription": "MRRC_Research_SiteProtocols",
    "ProtocolName": "cmrr_mbep2d_bold_379",
    "PulseSequenceType": "EP SKSP PFPS",
    "RepetitionTime": 2,
    "SequenceName": "epfid2d1_100",
    "SliceTiming": [
      0,
      0.9025,
      1.8075,
      0.7025,
      1.605,
      0.5025,
      1.405,
      0.3,
      1.205,
      0.1,
      1.0025,
      1.9075,
      0.8025,
      1.705,
      0.6025,
      1.505,
      0.4,
      1.305,
      0.2,
      1.1025,
      0,
      0.9025,
      1.8075,
      0.7025,
      1.605,
      0.5025,
      1.405,
      0.3,
      1.205,
      0.1,
      1.0025,
      1.9075,
      0.8025,
      1.705,
      0.6025,
      1.505,
      0.4,
      1.305,
      0.2,
      1.1025,
      0,
      0.9025,
      1.8075,
      0.7025,
      1.605,
      0.5025,
      1.405,
      0.3,
      1.205,
      0.1,
      1.0025,
      1.9075,
      0.8025,
      1.705,
      0.6025,
      1.505,
      0.4,
      1.305,
      0.2,
      1.1025
    ],
    "TaskName": "flavor",
    "dataset": "ds000231",
    "modality": "bold",
    "run_id": 3,
    "subject_id": "08",
    "task_id": "flavor"
  },
  "dummy_trs": 0,
  "dvars_nstd": 32.79629621571429,
  "dvars_std": 1.1585674173809521,
  "dvars_vstd": 1.0100874226190473,
  "efc": 0.504363327031049,
  "fber": 2882.943603515625,
  "fd_mean": 0.2084497436790417,
  "fd_num": 151,
  "fd_perc": 39.84168865435356,
  "fwhm_avg": 2.09194040900898,
  "fwhm_x": 1.9239107872463121,
  "fwhm_y": 2.3129054397806277,
  "fwhm_z": 2.039005,
  "gcor": 0.0147012,
  "gsr_x": -0.013643271289765835,
  "gsr_y": 0.030783740803599358,
  "provenance": {
    "md5sum": "df8f19b093958aabbb4be1ec169aeea5",
    "settings": {
      "fd_thres": 0.2,
      "testing": false
    },
    "software": "mriqc",
    "version": "22.0.6",
    "webapi_port": null,
    "webapi_url": "https://mriqc.nimh.nih.gov/api/v1"
  },
  "size_t": 379,
  "size_x": 104,
  "size_y": 100,
  "size_z": 60,
  "snr": 5.293342861484484,
  "spacing_tr": 2.0,
  "spacing_x": 2.019230842590332,
  "spacing_y": 2.019230842590332,
  "spacing_z": 2.0,
  "summary_bg_k": 28.41535239382128,
  "summary_bg_mad": 6.654106683542624,
  "summary_bg_mean": 25.45015525817871,
  "summary_bg_median": 10.87598991394043,
  "summary_bg_n": 416854.0,
  "summary_bg_p05": 4.934037208557129,
  "summary_bg_p95": 90.07652282714844,
  "summary_bg_stdv": 42.044273376464844,
  "summary_fg_k": 3.539397954231948,
  "summary_fg_mad": 93.14966045469565,
  "summary_fg_mean": 605.36376953125,
  "summary_fg_median": 597.3060913085938,
  "summary_fg_n": 122657.0,
  "summary_fg_p05": 451.20740966796876,
  "summary_fg_p95": 787.29501953125,
  "summary_fg_stdv": 112.84053802490234,
  "tsnr": 46.26324593508616
}