{
  "aor": 0.0006858311345646437,
  "aqi": 0.010702736464379949,
  "bids_meta": {
    "AcquisitionDateTime": "2013-05-21T11:52:18.812500",
    "CogAtlasID": "http://cognitiveatlas.org/task/id/trm_5887c029d46f4",
    "ConversionSoftware": "dcm2niix",
    "ConversionSoftwareVersion": "v1.0.20170207",
    "DeviceSerialNumber": "35407",
    "EchoTime": 0.032,
    "EffectiveEchoSpacing": 0.000689988,
    "FlipAngle": 62,
    "HardcopyDeviceSoftwareVersion": "syngo MR B17",
    "ImageType": [
      "ORIGINAL",
      "PRIMARY",
      "M",
      "ND",
      "NORM",
      "MOSAIC"
    ],
    "InstitutionAddress": "Cedar Street 333, New Haven, Connecticut, US 06510",
    "InstitutionName": "Yale MRRC",
    "MagneticFieldStrength": 3,
    "Manufacturer": "Siemens",
    "ManufacturersModelName": "TrioTim",
    "MultibandAccelerationFactor": "3",
    "PhaseEncodingDirection": "j-",
    "ProcedureStepDescription": "MRRC_Research_SiteProtocols",
    "ProtocolName": "cmrr_mbep2d_bold_379",
    "PulseSequenceType": "EP SKSP PFPS",
    "RepetitionTime": 2,
    "SequenceName": "epfid2d1_100",
    "SliceTiming": [
      0,
      0.9025,
      1.8075,
      0.7025,
      1.605,
      0.5025,
      1.405,
      0.3,
      1.205,
      0.1,
      1.0025,
      1.9075,
      0.8025,
      1.705,
      0.6025,
      1.505,
      0.4,
      1.305,
      0.2,
      1.1025,
      0,
      0.9025,
      1.8075,
      0.7025,
      1.605,
      0.5025,
      1.405,
      0.3,
      1.205,
      0.1,
      1.0025,
      1.9075,
      0.8025,
      1.705,
      0.6025,
      1.505,
      0.4,
      1.305,
      0.2,
      1.1025,
      0,
      0.9025,
      1.8075,
      0.7025,
      1.605,
      0.5025,
      1.405,
      0.3,
      1.205,
      0.1,
      1.0025,
      1.9075,
      0.8025,
      1.705,
      0.6025,
      1.505,
      0.4,
      1.305,
      0.2,
      1.1025
    ],
    "TaskName": "flavor",
    "dataset": "ds000231",
    "modality": "bold",
    "run_id": 2,
    "subject_id": "08",
    "task_id": "flavor"
  },
  "dummy_trs": 0,
  "dvars_nstd": 32.99142058447092,
  "dvars_std": 1.151853249523811,
  "dvars_vstd": 0.9996567453703711,
  "efc": 0.5032990607310358,
  "fber": 3027.93505859375,
  "fd_mean": 0.22866393154776063,
  "fd_num": 198,
  "fd_perc": 52.24274406332454,
  "fwhm_avg": 2.078790996633948,
  "fwhm_x": 1.9067507878697427,
  "fwhm_y": 2.3033622020321,
  "fwhm_z": 2.02626,
  "gcor": 0.0215767,
  "gsr_x": -0.01355174370110035,
  "gsr_y": 0.03161294385790825,
  "provenance": {
    "md5sum": "735360410225e89d519190b107846312",
    "settings": {
      "fd_thres": 0.2,
      "testing": false
    },
    "software": "mriqc",
    "version": "22.0.6",
    "webapi_port": null,
    "webapi_url": "https://mriqc.nimh.nih.gov/api/v1"
  },
  "size_t": 379,
  "size_x": 104,
  "size_y": 100,
  "size_z": 60,
  "snr": 5.297365662618748,
  "spacing_tr": 2.0,
  "spacing_x": 2.019230842590332,
  "spacing_y": 2.019230842590332,
  "spacing_z": 2.0,
  "summary_bg_k": 29.233017740069897,
  "summary_bg_mad": 6.372451766941783,
  "summary_bg_mean": 25.203718185424805,
  "summary_bg_median": 10.662269592285156,
  "summary_bg_n": 416866.0,
  "summary_bg_p05": 4.862797260284424,
  "summary_bg_p95": 88.96306610107422,
  "summary_bg_stdv": 42.34543991088867,
  "summary_fg_k": 3.5988819954182345,
  "summary_fg_mad": 93.43330404929439,
  "summary_fg_mean": 607.4776611328125,
  "summary_fg_median": 598.6029052734375,
  "summary_fg_n": 122438.0,
  "summary_fg_p05": 453.84396209716795,
  "summary_fg_p95": 789.9888031005859,
  "summary_fg_stdv": 112.99964904785156,
  "tsnr": 48.08763554086909
}