{
  "aor": 0.0006239050131926122,
  "aqi": 0.014972481240105542,
  "bids_meta": {
    "AcquisitionDateTime": "2013-05-21T11:52:18.812500",
    "CogAtlasID": "http://cognitiveatlas.org/task/id/trm_5887c029d46f4",
    "ConversionSoftware": "dcm2niix",
    "ConversionSoftwareVersion": "v1.0.20170207",
    "DeviceSerialNumber": "35407",
    "EchoTime": 0.032,
    "EffectiveEchoSpacing": 0.000689988,
    "FlipAngle": 62,
    "HardcopyDeviceSoftwareVersion": "syngo MR B17",
    "ImageType": [
      "ORIGINAL",
      "PRIMARY",
      "M",
      "ND",
      "NORM",
      "MOSAIC"
    ],
    "InstitutionAddress": "Cedar Street 333, New Haven, Connecticut, US 06510",
    "InstitutionName": "Yale MRRC",
    "MagneticFieldStrength": 3,
    "Manufacturer": "Siemens",
    "ManufacturersModelName": "TrioTim",
    "MultibandAccelerationFactor": "3",
    "PhaseEncodingDirection": "j-",
    "ProcedureStepDescription": "MRRC_Research_SiteProtocols",
    "ProtocolName": "cmrr_mbep2d_bold_379",
    "PulseSequenceType": "EP SKSP PFPS",
    "RepetitionTime": 2,
    "SequenceName": "epfid2d1_100",
    "SliceTiming": [
      0,
      0.9025,
      1.8075,
      0.7025,
      1.605,
      0.5025,
      1.405,
      0.3,
      1.205,
      0.1,
      1.0025,
      1.9075,
      0.8025,
      1.705,
      0.6025,
      1.505,
      0.4,
      1.305,
      0.2,
      1.1025,
      0,
      0.9025,
      1.8075,
      0.7025,
      1.605,
      0.5025,
      1.405,
      0.3,
      1.205,
      0.1,
      1.0025,
      1.9075,
      0.8025,
      1.705,
      0.6025,
      1.505,
      0.4,
      1.305,
      0.2,
      1.1025,
      0,
      0.9025,
      1.8075,
      0.7025,
      1.605,
      0.5025,
      1.405,
      0.3,
      1.205,
      0.1,
      1.0025,
      1.9075,
      0.8025,
      1.705,
      0.6025,
      1.505,
      0.4,
      1.305,
      0.2,
      1.1025
    ],
    "TaskName": "flavor",
    "dataset": "ds000231",
    "modality": "bold",
    "run_id": 1,
    "subject_id": "08",
    "task_id": "flavor"
  },
  "dummy_trs": 0,
  "dvars_nstd": 32.368629193253966,
  "dvars_std": 1.1320001158201056,
  "dvars_vstd": 0.9640856519841273,
  "efc": 0.5010058042588507,
  "fber": 3152.127197265625,
  "fd_mean": 0.19821721507232387,
  "fd_num": 171,
  "fd_perc": 45.11873350923483,
  "fwhm_avg": 2.0954798216988766,
  "fwhm_x": 1.9227965015725088,
  "fwhm_y": 2.3147229635241207,
  "fwhm_z": 2.04892,
  "gcor": 0.00991572,
  "gsr_x": -0.01164071261882782,
  "gsr_y": 0.027404122054576874,
  "provenance": {
    "md5sum": "34889b6acd0d12f340266b827e729849",
    "settings": {
      "fd_thres": 0.2,
      "testing": false
    },
    "software": "mriqc",
    "version": "22.0.6",
    "webapi_port": null,
    "webapi_url": "https://mriqc.nimh.nih.gov/api/v1"
  },
  "size_t": 379,
  "size_x": 104,
  "size_y": 100,
  "size_z": 60,
  "snr": 5.298452173898829,
  "spacing_tr": 2.0,
  "spacing_x": 2.019230842590332,
  "spacing_y": 2.019230842590332,
  "spacing_z": 2.0,
  "summary_bg_k": 30.111260796424382,
  "summary_bg_mad": 6.528926720608917,
  "summary_bg_mean": 24.380329132080078,
  "summary_bg_median": 10.501319885253906,
  "summary_bg_n": 416884.0,
  "summary_bg_p05": 4.591029167175293,
  "summary_bg_p95": 85.59103393554688,
  "summary_bg_stdv": 41.16320037841797,
  "summary_fg_k": 3.629933110203953,
  "summary_fg_mad": 93.49786927652241,
  "summary_fg_mean": 608.4759521484375,
  "summary_fg_median": 599.1082153320312,
  "summary_fg_n": 122415.0,
  "summary_fg_p05": 455.3456726074219,
  "summary_fg_p95": 791.7084838867186,
  "summary_fg_stdv": 113.07184600830078,
  "tsnr": 43.1748297130689
}