{
  "bids_meta": {
    "AcquisitionDateTime": "2013-04-30T11:50:25.984375",
    "ConversionSoftware": "dcm2niix",
    "ConversionSoftwareVersion": "v1.0.20170207",
    "EchoTime": 0.00277,
    "FlipAngle": 7,
    "ImageType": [
      "ORIGINAL",
      "PRIMARY",
      "M",
      "ND",
      "NORM"
    ],
    "MagneticFieldStrength": 3,
    "Manufacturer": "Siemens",
    "ManufacturersModelName": "TrioTim",
    "PhaseEncodingDirection": "i-",
    "ProcedureStepDescription": "MRRC_Research_SiteProtocols",
    "ProtocolName": "Sag_3D_MPRAGE_10_05",
    "PulseSequenceType": "T1-weighted 3D FLASH sequence",
    "RepetitionTime": 2.53,
    "SliceTiming": [
      0,
      0.9025,
      1.8075,
      0.7025,
      1.605,
      0.5025,
      1.405,
      0.3,
      1.205,
      0.1,
      1.0025,
      1.9075,
      0.8025,
      1.705,
      0.6025,
      1.505,
      0.4,
      1.305,
      0.2,
      1.1025,
      0,
      0.9025,
      1.8075,
      0.7025,
      1.605,
      0.5025,
      1.405,
      0.3,
      1.205,
      0.1,
      1.0025,
      1.9075,
      0.8025,
      1.705,
      0.6025,
      1.505,
      0.4,
      1.305,
      0.2,
      1.1025,
      0,
      0.9025,
      1.8075,
      0.7025,
      1.605,
      0.5025,
      1.405,
      0.3,
      1.205,
      0.1,
      1.0025,
      1.9075,
      0.8025,
      1.705,
      0.6025,
      1.505,
      0.4,
      1.305,
      0.2,
      1.1025
    ],
    "dataset": "ds000231",
    "modality": "T1w",
    "subject_id": "05"
  },
  "cjv": 0.25433821094104303,
  "cnr": 5.035499685956838,
  "efc": 0.5061229659544072,
  "fber": 23052.236433470505,
  "fwhm_avg": 4.9913,
  "fwhm_x": 4.88601,
  "fwhm_y": 5.39002,
  "fwhm_z": 4.69787,
  "icvs_csf": 0.2623584890509432,
  "icvs_gm": 0.4153526848859855,
  "icvs_wm": 0.32228882606307135,
  "inu_med": 0.4848596453666687,
  "inu_range": 0.14981894046068195,
  "provenance": {
    "md5sum": "35c2934550595e2709a2c88cca51300e",
    "settings": {
      "testing": false
    },
    "software": "mriqc",
    "version": "22.0.6",
    "warnings": {
      "large_rot_frame": true,
      "small_air_mask": false
    },
    "webapi_port": null,
    "webapi_url": "https://mriqc.nimh.nih.gov/api/v1"
  },
  "qi_1": 0.0,
  "qi_2": 0.03238529510122704,
  "rpve_csf": 21.650247620851285,
  "rpve_gm": 13.453293076399373,
  "rpve_wm": 21.342641852222766,
  "size_x": 176,
  "size_y": 256,
  "size_z": 256,
  "snr_csf": 2.1155462315794535,
  "snr_gm": 12.900776032463765,
  "snr_total": 16.175726636582343,
  "snr_wm": 33.51085764570381,
  "snrd_csf": 34.49693872049962,
  "snrd_gm": 122.30115479452719,
  "snrd_total": 111.28275038188225,
  "snrd_wm": 177.05015763061996,
  "spacing_x": 1.0,
  "spacing_y": 1.0,
  "spacing_z": 1.0,
  "summary_bg_k": 12.229150441085405,
  "summary_bg_mad": 0.0,
  "summary_bg_mean": 2.300586809580563,
  "summary_bg_median": 0.0,
  "summary_bg_n": 2532409.0,
  "summary_bg_p05": 0.0,
  "summary_bg_p95": 9.618505362421274,
  "summary_bg_stdv": 3.700396220118491,
  "summary_csf_k": 0.6698520345376826,
  "summary_csf_mad": 73.79547280766883,
  "summary_csf_mean": 217.03064386993125,
  "summary_csf_median": 194.84849513322115,
  "summary_csf_n": 42552.0,
  "summary_csf_p05": 101.30558002190665,
  "summary_csf_p95": 403.34140071077263,
  "summary_csf_stdv": 92.10207873376224,
  "summary_gm_k": 0.31382611536835503,
  "summary_gm_mad": 51.92366699626728,
  "summary_gm_mean": 687.408605285454,
  "summary_gm_median": 690.7916136514395,
  "summary_gm_n": 36188.0,
  "summary_gm_p05": 592.404040317703,
  "summary_gm_p95": 768.5657858457416,
  "summary_gm_stdv": 53.54577642171729,
  "summary_wm_k": 1.0921198560323244,
  "summary_wm_mad": 26.727346701532692,
  "summary_wm_mean": 999.483770563752,
  "summary_wm_median": 1000.0295115150511,
  "summary_wm_n": 161146.0,
  "summary_wm_p05": 949.1930552590638,
  "summary_wm_p95": 1046.7058166787028,
  "summary_wm_stdv": 29.841862575263328,
  "tpm_overlap_csf": 0.16462061217948265,
  "tpm_overlap_gm": 0.47692535328509356,
  "tpm_overlap_wm": 0.5231149105058824,
  "wm2max": 0.5763207563210964
}