{
  "bids_meta": {
    "AcquisitionDateTime": "2013-02-19T12:08:18.445312",
    "ConversionSoftware": "dcm2niix",
    "ConversionSoftwareVersion": "v1.0.20170207",
    "EchoTime": 0.00277,
    "FlipAngle": 7,
    "ImageType": [
      "ORIGINAL",
      "PRIMARY",
      "M",
      "ND",
      "NORM"
    ],
    "MagneticFieldStrength": 3,
    "Manufacturer": "Siemens",
    "ManufacturersModelName": "TrioTim",
    "PhaseEncodingDirection": "i-",
    "ProcedureStepDescription": "MRRC_Research_SiteProtocols",
    "ProtocolName": "Sag_3D_MPRAGE_10_05",
    "PulseSequenceType": "T1-weighted 3D FLASH sequence",
    "RepetitionTime": 2.53,
    "SliceTiming": [
      0,
      0.9025,
      1.8075,
      0.7025,
      1.605,
      0.5025,
      1.405,
      0.3,
      1.205,
      0.1,
      1.0025,
      1.9075,
      0.8025,
      1.7075,
      0.6025,
      1.505,
      0.4025,
      1.305,
      0.2,
      1.105,
      0,
      0.9025,
      1.8075,
      0.7025,
      1.605,
      0.5025,
      1.405,
      0.3,
      1.205,
      0.1,
      1.0025,
      1.9075,
      0.8025,
      1.7075,
      0.6025,
      1.505,
      0.4025,
      1.305,
      0.2,
      1.105,
      0,
      0.9025,
      1.8075,
      0.7025,
      1.605,
      0.5025,
      1.405,
      0.3,
      1.205,
      0.1,
      1.0025,
      1.9075,
      0.8025,
      1.7075,
      0.6025,
      1.505,
      0.4025,
      1.305,
      0.2,
      1.105
    ],
    "dataset": "ds000231",
    "modality": "T1w",
    "subject_id": "03"
  },
  "cjv": 0.26615138827036783,
  "cnr": 5.09011171624473,
  "efc": 0.5435914583512242,
  "fber": -1.0,
  "fwhm_avg": 5.522950000000001,
  "fwhm_x": 5.52787,
  "fwhm_y": 5.72016,
  "fwhm_z": 5.32082,
  "icvs_csf": 0.25458794985087096,
  "icvs_gm": 0.4215832038989053,
  "icvs_wm": 0.32382884625022373,
  "inu_med": 0.5334873795509338,
  "inu_range": 0.21783131062984468,
  "provenance": {
    "md5sum": "0d99b761431a08980214a92af3f1c5f2",
    "settings": {
      "testing": false
    },
    "software": "mriqc",
    "version": "22.0.6",
    "warnings": {
      "large_rot_frame": true,
      "small_air_mask": false
    },
    "webapi_port": null,
    "webapi_url": "https://mriqc.nimh.nih.gov/api/v1"
  },
  "qi_1": 0.021395160443925716,
  "qi_2": 0.017236043332127287,
  "rpve_csf": 20.501111857725217,
  "rpve_gm": 12.250453096310864,
  "rpve_wm": 18.711951444195453,
  "size_x": 176,
  "size_y": 256,
  "size_z": 256,
  "snr_csf": 1.9806056129025416,
  "snr_gm": 11.920531343516998,
  "snr_total": 14.951250754427376,
  "snr_wm": 30.952615306862583,
  "snrd_csf": 21.683667697372922,
  "snrd_gm": 97.24413953377527,
  "snrd_total": 88.06413120710323,
  "snrd_wm": 145.2645863901615,
  "spacing_x": 1.0,
  "spacing_y": 1.0,
  "spacing_z": 1.0,
  "summary_bg_k": 706.338863188461,
  "summary_bg_mad": 0.0,
  "summary_bg_mean": 1.7707414891234914,
  "summary_bg_median": 0.0,
  "summary_bg_n": 3102482.0,
  "summary_bg_p05": 0.0,
  "summary_bg_p95": 6.227010870352387,
  "summary_bg_stdv": 4.51008331801921,
  "summary_csf_k": 2.7596849262732492,
  "summary_csf_mad": 49.553190098714246,
  "summary_csf_mean": 164.0764236322699,
  "summary_csf_median": 149.27448384091258,
  "summary_csf_n": 75340.0,
  "summary_csf_p05": 67.25026925774291,
  "summary_csf_p95": 322.00886910036206,
  "summary_csf_stdv": 75.36760079493527,
  "summary_gm_k": -0.11883566226797981,
  "summary_gm_mad": 57.49715904868143,
  "summary_gm_mean": 667.7562636142352,
  "summary_gm_median": 669.4471128247678,
  "summary_gm_n": 63390.0,
  "summary_gm_p05": 573.2615170087665,
  "summary_gm_p95": 757.3493360411376,
  "summary_gm_stdv": 56.15872423201912,
  "summary_wm_k": 0.584194278986812,
  "summary_wm_mad": 30.487664618792994,
  "summary_wm_mean": 999.3881030645649,
  "summary_wm_median": 1000.028982937336,
  "summary_wm_n": 195803.0,
  "summary_wm_p05": 945.4050643257797,
  "summary_wm_p95": 1051.0035835504532,
  "summary_wm_stdv": 32.30830155574359,
  "tpm_overlap_csf": 0.15984617947003538,
  "tpm_overlap_gm": 0.48329797466416696,
  "tpm_overlap_wm": 0.5175089099327725,
  "wm2max": 0.6441190187482511
}