{
  "aor": 0.001300527704485488,
  "aqi": 0.017524146701846963,
  "bids_meta": {
    "AcquisitionDateTime": "2013-05-21T11:52:18.812500",
    "CogAtlasID": "http://cognitiveatlas.org/task/id/trm_5887c029d46f4",
    "ConversionSoftware": "dcm2niix",
    "ConversionSoftwareVersion": "v1.0.20170207",
    "DeviceSerialNumber": "35407",
    "EchoTime": 0.032,
    "EffectiveEchoSpacing": 0.000689988,
    "FlipAngle": 62,
    "HardcopyDeviceSoftwareVersion": "syngo MR B17",
    "ImageType": [
      "ORIGINAL",
      "PRIMARY",
      "M",
      "ND",
      "NORM",
      "MOSAIC"
    ],
    "InstitutionAddress": "Cedar Street 333, New Haven, Connecticut, US 06510",
    "InstitutionName": "Yale MRRC",
    "MagneticFieldStrength": 3,
    "Manufacturer": "Siemens",
    "ManufacturersModelName": "TrioTim",
    "MultibandAccelerationFactor": "3",
    "PhaseEncodingDirection": "j-",
    "ProcedureStepDescription": "MRRC_Research_SiteProtocols",
    "ProtocolName": "cmrr_mbep2d_bold_379",
    "PulseSequenceType": "EP SKSP PFPS",
    "RepetitionTime": 2,
    "SequenceName": "epfid2d1_100",
    "SliceTiming": [
      0,
      0.9025,
      1.8075,
      0.7025,
      1.605,
      0.5025,
      1.405,
      0.3,
      1.205,
      0.1,
      1.0025,
      1.9075,
      0.8025,
      1.705,
      0.6025,
      1.505,
      0.4,
      1.305,
      0.2,
      1.1025,
      0,
      0.9025,
      1.8075,
      0.7025,
      1.605,
      0.5025,
      1.405,
      0.3,
      1.205,
      0.1,
      1.0025,
      1.9075,
      0.8025,
      1.705,
      0.6025,
      1.505,
      0.4,
      1.305,
      0.2,
      1.1025,
      0,
      0.9025,
      1.8075,
      0.7025,
      1.605,
      0.5025,
      1.405,
      0.3,
      1.205,
      0.1,
      1.0025,
      1.9075,
      0.8025,
      1.705,
      0.6025,
      1.505,
      0.4,
      1.305,
      0.2,
      1.1025
    ],
    "TaskName": "flavor",
    "dataset": "ds000231",
    "modality": "bold",
    "run_id": 1,
    "subject_id": "07",
    "task_id": "flavor"
  },
  "dummy_trs": 0,
  "dvars_nstd": 35.43923135798944,
  "dvars_std": 1.2057884049735457,
  "dvars_vstd": 0.9804697027248679,
  "efc": 0.5004094445484537,
  "fber": 1976.6656494140625,
  "fd_mean": 0.18075945289962542,
  "fd_num": 116,
  "fd_perc": 30.606860158311346,
  "fwhm_avg": 2.009298712819101,
  "fwhm_x": 1.9230936444188564,
  "fwhm_y": 2.1301724940384457,
  "fwhm_z": 1.97463,
  "gcor": 0.00980139,
  "gsr_x": -0.012838762253522873,
  "gsr_y": 0.029890520498156548,
  "provenance": {
    "md5sum": "c4019ef32b637a7a45bd87cef73e6042",
    "settings": {
      "fd_thres": 0.2,
      "testing": false
    },
    "software": "mriqc",
    "version": "22.0.6",
    "webapi_port": null,
    "webapi_url": "https://mriqc.nimh.nih.gov/api/v1"
  },
  "size_t": 379,
  "size_x": 104,
  "size_y": 100,
  "size_z": 60,
  "snr": 5.199342097462563,
  "spacing_tr": 2.0,
  "spacing_x": 2.019230842590332,
  "spacing_y": 2.019230842590332,
  "spacing_z": 2.0,
  "summary_bg_k": 49.26219422268502,
  "summary_bg_mad": 13.147828218606028,
  "summary_bg_mean": 48.14674758911133,
  "summary_bg_median": 24.802112579345703,
  "summary_bg_n": 420591.0,
  "summary_bg_p05": 11.263853073120117,
  "summary_bg_p95": 155.89447021484375,
  "summary_bg_stdv": 79.04380798339844,
  "summary_fg_k": 4.086287104455282,
  "summary_fg_mad": 170.64802209879994,
  "summary_fg_mean": 1135.6510009765625,
  "summary_fg_median": 1110.29296875,
  "summary_fg_n": 119983.0,
  "summary_fg_p05": 857.8862915039062,
  "summary_fg_p95": 1497.9784057617185,
  "summary_fg_stdv": 213.54400634765625,
  "tsnr": 42.68525738362223
}