{
  "bids_meta": {
    "AcquisitionDateTime": "2013-05-21T12:05:28.906250",
    "ConversionSoftware": "dcm2niix",
    "ConversionSoftwareVersion": "v1.0.20170207",
    "EchoTime": 0.00277,
    "FlipAngle": 7,
    "ImageType": [
      "ORIGINAL",
      "PRIMARY",
      "M",
      "ND",
      "NORM"
    ],
    "MagneticFieldStrength": 3,
    "Manufacturer": "Siemens",
    "ManufacturersModelName": "TrioTim",
    "PhaseEncodingDirection": "i-",
    "ProcedureStepDescription": "MRRC_Research_SiteProtocols",
    "ProtocolName": "Sag_3D_MPRAGE_10_05",
    "PulseSequenceType": "T1-weighted 3D FLASH sequence",
    "RepetitionTime": 2.53,
    "dataset": "ds000231",
    "modality": "T1w",
    "subject_id": "01"
  },
  "cjv": 0.2789912237356104,
  "cnr": 4.6915963684509325,
  "efc": 0.519281284232786,
  "fber": -1.0,
  "fwhm_avg": 5.12786,
  "fwhm_x": 5.12496,
  "fwhm_y": 5.48651,
  "fwhm_z": 4.77211,
  "icvs_csf": 0.22819938463394854,
  "icvs_gm": 0.4227160134506638,
  "icvs_wm": 0.3490846019153877,
  "inu_med": 0.5080410540103912,
  "inu_range": 0.16258152872323983,
  "provenance": {
    "md5sum": "7363c91fb199481c01d3128658763fb5",
    "settings": {
      "testing": false
    },
    "software": "mriqc",
    "version": "22.0.6",
    "warnings": {
      "large_rot_frame": true,
      "small_air_mask": false
    },
    "webapi_port": null,
    "webapi_url": "https://mriqc.nimh.nih.gov/api/v1"
  },
  "qi_1": 5.2032466761922264e-05,
  "qi_2": 0.012320688616833895,
  "rpve_csf": 25.528940125877057,
  "rpve_gm": 14.093324628733109,
  "rpve_wm": 20.71910203727597,
  "size_x": 176,
  "size_y": 256,
  "size_z": 256,
  "snr_csf": 1.7141750575972188,
  "snr_gm": 11.6465540062572,
  "snr_total": 15.242530639024084,
  "snr_wm": 32.36686285321784,
  "snrd_csf": 19.619300962642345,
  "snrd_gm": 66.14022723570562,
  "snrd_total": 60.71332180378016,
  "snrd_wm": 96.38043721299253,
  "spacing_x": 1.0,
  "spacing_y": 1.0,
  "spacing_z": 1.0,
  "summary_bg_k": 176.2867410575087,
  "summary_bg_mad": 0.0,
  "summary_bg_mean": 1.9169611241295916,
  "summary_bg_median": 0.0,
  "summary_bg_n": 2421989.0,
  "summary_bg_p05": 0.0,
  "summary_bg_p95": 10.40434398315847,
  "summary_bg_stdv": 6.7976065153208705,
  "summary_csf_k": -0.40942603039883085,
  "summary_csf_mad": 119.8062427059641,
  "summary_csf_mean": 227.59483394204204,
  "summary_csf_median": 203.56720837019384,
  "summary_csf_n": 33425.0,
  "summary_csf_p05": 58.54339325800538,
  "summary_csf_p95": 438.5901156049222,
  "summary_csf_stdv": 118.75342737675177,
  "summary_gm_k": -0.012211528080773082,
  "summary_gm_mad": 59.251022809725114,
  "summary_gm_mean": 682.8611956608783,
  "summary_gm_median": 686.2620357871056,
  "summary_gm_n": 43682.0,
  "summary_gm_p05": 581.5527786073275,
  "summary_gm_p95": 774.2894592247903,
  "summary_gm_stdv": 58.923367390004564,
  "summary_wm_k": 0.9990198170629081,
  "summary_wm_mad": 28.28758508335263,
  "summary_wm_mean": 1000.8117955224714,
  "summary_wm_median": 1000.0303569585085,
  "summary_wm_n": 177735.0,
  "summary_wm_p05": 952.0126411411911,
  "summary_wm_p95": 1052.143076967448,
  "summary_wm_stdv": 30.89664723539343,
  "tpm_overlap_csf": 0.14397601011935834,
  "tpm_overlap_gm": 0.4844680645683934,
  "tpm_overlap_wm": 0.5198531160804245,
  "wm2max": 0.5643095840925428
}