{
  "bids_meta": {
    "AcquisitionDateTime": "2013-02-26T11:54:52.867188",
    "ConversionSoftware": "dcm2niix",
    "ConversionSoftwareVersion": "v1.0.20170207",
    "EchoTime": 0.00277,
    "FlipAngle": 7,
    "ImageType": [
      "ORIGINAL",
      "PRIMARY",
      "M",
      "ND",
      "NORM"
    ],
    "MagneticFieldStrength": 3,
    "Manufacturer": "Siemens",
    "ManufacturersModelName": "TrioTim",
    "PhaseEncodingDirection": "i-",
    "ProcedureStepDescription": "MRRC_Research_SiteProtocols",
    "ProtocolName": "Sag_3D_MPRAGE_10_05",
    "PulseSequenceType": "T1-weighted 3D FLASH sequence",
    "RepetitionTime": 2.53,
    "SliceTiming": [
      0,
      0.905,
      1.8075,
      0.7025,
      1.6075,
      0.5025,
      1.405,
      0.3025,
      1.205,
      0.1,
      1.005,
      1.9075,
      0.8025,
      1.7075,
      0.6025,
      1.505,
      0.4025,
      1.305,
      0.2,
      1.105,
      0,
      0.905,
      1.8075,
      0.7025,
      1.6075,
      0.5025,
      1.405,
      0.3025,
      1.205,
      0.1,
      1.005,
      1.9075,
      0.8025,
      1.7075,
      0.6025,
      1.505,
      0.4025,
      1.305,
      0.2,
      1.105,
      0,
      0.905,
      1.8075,
      0.7025,
      1.6075,
      0.5025,
      1.405,
      0.3025,
      1.205,
      0.1,
      1.005,
      1.9075,
      0.8025,
      1.7075,
      0.6025,
      1.505,
      0.4025,
      1.305,
      0.2,
      1.105
    ],
    "dataset": "ds000231",
    "modality": "T1w",
    "subject_id": "02"
  },
  "cjv": 0.2499335245387061,
  "cnr": 5.210891206100153,
  "efc": 0.5200248991539487,
  "fber": -1.0,
  "fwhm_avg": 5.163406666666666,
  "fwhm_x": 5.17761,
  "fwhm_y": 5.4766,
  "fwhm_z": 4.83601,
  "icvs_csf": 0.23565623764786275,
  "icvs_gm": 0.438034700991744,
  "icvs_wm": 0.3263090613603932,
  "inu_med": 0.5317515730857849,
  "inu_range": 0.17922893166542053,
  "provenance": {
    "md5sum": "ebbb7f9cbff9b656f690211801446b80",
    "settings": {
      "testing": false
    },
    "software": "mriqc",
    "version": "22.0.6",
    "warnings": {
      "large_rot_frame": true,
      "small_air_mask": false
    },
    "webapi_port": null,
    "webapi_url": "https://mriqc.nimh.nih.gov/api/v1"
  },
  "qi_1": 0.024208730194556043,
  "qi_2": 0.020590712126930796,
  "rpve_csf": 24.934328956425517,
  "rpve_gm": 13.82734736977689,
  "rpve_wm": 21.988958836286656,
  "size_x": 176,
  "size_y": 256,
  "size_z": 256,
  "snr_csf": 1.8838603245489458,
  "snr_gm": 11.831670297409621,
  "snr_total": 15.885680948415223,
  "snr_wm": 33.9415122232871,
  "snrd_csf": 45.82050684267583,
  "snrd_gm": 145.27135668711583,
  "snrd_total": 136.2049032828552,
  "snrd_wm": 217.52284631877396,
  "spacing_x": 1.0,
  "spacing_y": 1.0,
  "spacing_z": 1.0,
  "summary_bg_k": 45.501348126608455,
  "summary_bg_mad": 0.0,
  "summary_bg_mean": 1.4796631185092313,
  "summary_bg_median": 0.0,
  "summary_bg_n": 2267227.0,
  "summary_bg_p05": 0.0,
  "summary_bg_p95": 5.9334897343069315,
  "summary_bg_stdv": 3.011888143658016,
  "summary_csf_k": 1.126309214961494,
  "summary_csf_mad": 116.85696002054812,
  "summary_csf_mean": 235.71042810657036,
  "summary_csf_median": 210.65268438123167,
  "summary_csf_n": 44246.0,
  "summary_csf_p05": 78.68773304624483,
  "summary_csf_p95": 423.2923978827894,
  "summary_csf_stdv": 111.81843003499365,
  "summary_gm_k": -0.07410612674136274,
  "summary_gm_mad": 57.44648874959719,
  "summary_gm_mean": 666.2122495688557,
  "summary_gm_median": 667.8625654429197,
  "summary_gm_n": 45497.0,
  "summary_gm_p05": 570.7685952883214,
  "summary_gm_p95": 755.2642491105944,
  "summary_gm_stdv": 56.44640266182906,
  "summary_wm_k": 1.2096582019004725,
  "summary_wm_mad": 25.572689080126953,
  "summary_wm_mean": 998.5791499199981,
  "summary_wm_median": 1000.0276000574231,
  "summary_wm_n": 160162.0,
  "summary_wm_p05": 946.9021687153727,
  "summary_wm_p95": 1043.8526312112808,
  "summary_wm_stdv": 29.46316803884588,
  "tpm_overlap_csf": 0.16199513178280264,
  "tpm_overlap_gm": 0.5060858849841896,
  "tpm_overlap_wm": 0.5369733040164212,
  "wm2max": 0.669093784242257
}