{
  "bids_meta": {
    "AcquisitionDateTime": "2013-04-09T11:52:16.742188",
    "ConversionSoftware": "dcm2niix",
    "ConversionSoftwareVersion": "v1.0.20170207",
    "EchoTime": 0.00277,
    "FlipAngle": 7,
    "ImageType": [
      "ORIGINAL",
      "PRIMARY",
      "M",
      "ND",
      "NORM"
    ],
    "MagneticFieldStrength": 3,
    "Manufacturer": "Siemens",
    "ManufacturersModelName": "TrioTim",
    "PhaseEncodingDirection": "i-",
    "ProcedureStepDescription": "MRRC_Research_SiteProtocols",
    "ProtocolName": "Sag_3D_MPRAGE_10_05",
    "PulseSequenceType": "T1-weighted 3D FLASH sequence",
    "RepetitionTime": 2.53,
    "dataset": "ds000231",
    "modality": "T1w",
    "subject_id": "04"
  },
  "cjv": 0.3057221125184702,
  "cnr": 4.408486864127285,
  "efc": 0.5223763418355034,
  "fber": -1.0,
  "fwhm_avg": 5.3206066666666665,
  "fwhm_x": 5.44915,
  "fwhm_y": 5.5017,
  "fwhm_z": 5.01097,
  "icvs_csf": 0.234719044730178,
  "icvs_gm": 0.4057470854956205,
  "icvs_wm": 0.3595338697742015,
  "inu_med": 0.4621139019727707,
  "inu_range": 0.17862896621227264,
  "provenance": {
    "md5sum": "2ddd902e9059c86918e55f4515071449",
    "settings": {
      "testing": false
    },
    "software": "mriqc",
    "version": "22.0.6",
    "warnings": {
      "large_rot_frame": true,
      "small_air_mask": false
    },
    "webapi_port": null,
    "webapi_url": "https://mriqc.nimh.nih.gov/api/v1"
  },
  "qi_1": 0.02478067819573062,
  "qi_2": 0.012008350455154339,
  "rpve_csf": 20.27758877840909,
  "rpve_gm": 11.682291087011183,
  "rpve_wm": 16.611888340114444,
  "size_x": 176,
  "size_y": 256,
  "size_z": 256,
  "snr_csf": 2.023159512147412,
  "snr_gm": 11.982048558914125,
  "snr_total": 15.92331503920527,
  "snr_wm": 33.76473704655428,
  "snrd_csf": 43.30130361859873,
  "snrd_gm": 129.0576800068173,
  "snrd_total": 118.20220276744249,
  "snrd_wm": 182.24762467691147,
  "spacing_x": 1.0,
  "spacing_y": 1.0,
  "spacing_z": 1.0,
  "summary_bg_k": 56.954885814571995,
  "summary_bg_mad": 0.0,
  "summary_bg_mean": 1.6436076879756552,
  "summary_bg_median": 0.0,
  "summary_bg_n": 2945395.0,
  "summary_bg_p05": 0.0,
  "summary_bg_p95": 6.826162755489349,
  "summary_bg_stdv": 3.595113620285507,
  "summary_csf_k": 7.368309270657958,
  "summary_csf_mad": 122.49191626784861,
  "summary_csf_mean": 254.4446532108034,
  "summary_csf_median": 237.61938188038766,
  "summary_csf_n": 47908.0,
  "summary_csf_p05": 88.6744796410203,
  "summary_csf_p95": 452.2217962196097,
  "summary_csf_stdv": 117.44842682230929,
  "summary_gm_k": -0.0566653040005316,
  "summary_gm_mad": 60.722904271012936,
  "summary_gm_mean": 704.8918088348837,
  "summary_gm_median": 708.21438588202,
  "summary_gm_n": 40542.0,
  "summary_gm_p05": 603.6559505984187,
  "summary_gm_p95": 794.8541439324617,
  "summary_gm_stdv": 59.1055567849146,
  "summary_wm_k": 0.3444045878862618,
  "summary_wm_mad": 28.512517550331392,
  "summary_wm_mean": 1000.9015387923749,
  "summary_wm_median": 1000.0984798595309,
  "summary_wm_n": 229162.0,
  "summary_wm_p05": 953.4311556369066,
  "summary_wm_p95": 1050.6711568124592,
  "summary_wm_stdv": 29.61954942521103,
  "tpm_overlap_csf": 0.15452928277439817,
  "tpm_overlap_gm": 0.47209426673660354,
  "tpm_overlap_wm": 0.5195451993808247,
  "wm2max": 0.555012893887099
}