{
  "aor": 0.003970791556728232,
  "aqi": 0.018195679894459103,
  "bids_meta": {
    "AcquisitionDateTime": "2013-05-21T11:52:18.812500",
    "CogAtlasID": "http://cognitiveatlas.org/task/id/trm_5887c029d46f4",
    "ConversionSoftware": "dcm2niix",
    "ConversionSoftwareVersion": "v1.0.20170207",
    "DeviceSerialNumber": "35407",
    "EchoTime": 0.032,
    "EffectiveEchoSpacing": 0.000689988,
    "FlipAngle": 62,
    "HardcopyDeviceSoftwareVersion": "syngo MR B17",
    "ImageType": [
      "ORIGINAL",
      "PRIMARY",
      "M",
      "ND",
      "NORM",
      "MOSAIC"
    ],
    "InstitutionAddress": "Cedar Street 333, New Haven, Connecticut, US 06510",
    "InstitutionName": "Yale MRRC",
    "MagneticFieldStrength": 3,
    "Manufacturer": "Siemens",
    "ManufacturersModelName": "TrioTim",
    "MultibandAccelerationFactor": "3",
    "PhaseEncodingDirection": "j-",
    "ProcedureStepDescription": "MRRC_Research_SiteProtocols",
    "ProtocolName": "cmrr_mbep2d_bold_379",
    "PulseSequenceType": "EP SKSP PFPS",
    "RepetitionTime": 2,
    "SequenceName": "epfid2d1_100",
    "SliceTiming": [
      0,
      0.9025,
      1.8075,
      0.7025,
      1.605,
      0.5025,
      1.405,
      0.3,
      1.205,
      0.1,
      1.0025,
      1.9075,
      0.8025,
      1.705,
      0.6025,
      1.505,
      0.4,
      1.305,
      0.2,
      1.1025,
      0,
      0.9025,
      1.8075,
      0.7025,
      1.605,
      0.5025,
      1.405,
      0.3,
      1.205,
      0.1,
      1.0025,
      1.9075,
      0.8025,
      1.705,
      0.6025,
      1.505,
      0.4,
      1.305,
      0.2,
      1.1025,
      0,
      0.9025,
      1.8075,
      0.7025,
      1.605,
      0.5025,
      1.405,
      0.3,
      1.205,
      0.1,
      1.0025,
      1.9075,
      0.8025,
      1.705,
      0.6025,
      1.505,
      0.4,
      1.305,
      0.2,
      1.1025
    ],
    "TaskName": "flavor",
    "dataset": "ds000231",
    "modality": "bold",
    "run_id": 3,
    "subject_id": "07",
    "task_id": "flavor"
  },
  "dummy_trs": 0,
  "dvars_nstd": 38.04200087634917,
  "dvars_std": 1.1899866155291006,
  "dvars_vstd": 0.9976440970899466,
  "efc": 0.502427497273593,
  "fber": 1889.862548828125,
  "fd_mean": 0.2213940739047523,
  "fd_num": 150,
  "fd_perc": 39.577836411609496,
  "fwhm_avg": 2.00386285582414,
  "fwhm_x": 1.9166208827492528,
  "fwhm_y": 2.1244326847231663,
  "fwhm_z": 1.970535,
  "gcor": 0.014284,
  "gsr_x": -0.01374639943242073,
  "gsr_y": 0.029651537537574768,
  "provenance": {
    "md5sum": "35324a3aec16e42533abac401213bbb1",
    "settings": {
      "fd_thres": 0.2,
      "testing": false
    },
    "software": "mriqc",
    "version": "22.0.6",
    "webapi_port": null,
    "webapi_url": "https://mriqc.nimh.nih.gov/api/v1"
  },
  "size_t": 379,
  "size_x": 104,
  "size_y": 100,
  "size_z": 60,
  "snr": 5.19211895956272,
  "spacing_tr": 2.0,
  "spacing_x": 2.019230842590332,
  "spacing_y": 2.019230842590332,
  "spacing_z": 2.0,
  "summary_bg_k": 46.83014263661854,
  "summary_bg_mad": 13.691577887269512,
  "summary_bg_mean": 50.18177795410156,
  "summary_bg_median": 25.30870819091797,
  "summary_bg_n": 421538.0,
  "summary_bg_p05": 11.511874198913574,
  "summary_bg_p95": 165.87638778686514,
  "summary_bg_stdv": 82.37200927734375,
  "summary_fg_k": 4.160040740843719,
  "summary_fg_mad": 168.9892341796455,
  "summary_fg_mean": 1130.7041015625,
  "summary_fg_median": 1106.8021240234375,
  "summary_fg_n": 119489.0,
  "summary_fg_p05": 855.4390991210937,
  "summary_fg_p95": 1490.9267089843747,
  "summary_fg_stdv": 213.1687469482422,
  "tsnr": 41.32646409329027
}