{
  "aor": 0.0020312401055408973,
  "aqi": 0.012900916569920845,
  "bids_meta": {
    "AcquisitionDateTime": "2013-05-21T11:52:18.812500",
    "CogAtlasID": "http://cognitiveatlas.org/task/id/trm_5887c029d46f4",
    "ConversionSoftware": "dcm2niix",
    "ConversionSoftwareVersion": "v1.0.20170207",
    "DeviceSerialNumber": "35407",
    "EchoTime": 0.032,
    "EffectiveEchoSpacing": 0.000689988,
    "FlipAngle": 62,
    "HardcopyDeviceSoftwareVersion": "syngo MR B17",
    "ImageType": [
      "ORIGINAL",
      "PRIMARY",
      "M",
      "ND",
      "NORM",
      "MOSAIC"
    ],
    "InstitutionAddress": "Cedar Street 333, New Haven, Connecticut, US 06510",
    "InstitutionName": "Yale MRRC",
    "MagneticFieldStrength": 3,
    "Manufacturer": "Siemens",
    "ManufacturersModelName": "TrioTim",
    "MultibandAccelerationFactor": "3",
    "PhaseEncodingDirection": "j-",
    "ProcedureStepDescription": "MRRC_Research_SiteProtocols",
    "ProtocolName": "cmrr_mbep2d_bold_379",
    "PulseSequenceType": "EP SKSP PFPS",
    "RepetitionTime": 2,
    "SequenceName": "epfid2d1_100",
    "SliceTiming": [
      0,
      0.9025,
      1.8075,
      0.7025,
      1.605,
      0.5025,
      1.405,
      0.3,
      1.205,
      0.1,
      1.0025,
      1.9075,
      0.8025,
      1.705,
      0.6025,
      1.505,
      0.4,
      1.305,
      0.2,
      1.1025,
      0,
      0.9025,
      1.8075,
      0.7025,
      1.605,
      0.5025,
      1.405,
      0.3,
      1.205,
      0.1,
      1.0025,
      1.9075,
      0.8025,
      1.705,
      0.6025,
      1.505,
      0.4,
      1.305,
      0.2,
      1.1025,
      0,
      0.9025,
      1.8075,
      0.7025,
      1.605,
      0.5025,
      1.405,
      0.3,
      1.205,
      0.1,
      1.0025,
      1.9075,
      0.8025,
      1.705,
      0.6025,
      1.505,
      0.4,
      1.305,
      0.2,
      1.1025
    ],
    "TaskName": "flavor",
    "dataset": "ds000231",
    "modality": "bold",
    "run_id": 2,
    "subject_id": "07",
    "task_id": "flavor"
  },
  "dummy_trs": 0,
  "dvars_nstd": 37.157804993941824,
  "dvars_std": 1.2429752702116406,
  "dvars_vstd": 1.0098379360052923,
  "efc": 0.5011473204088633,
  "fber": 1951.505859375,
  "fd_mean": 0.20629370996378976,
  "fd_num": 145,
  "fd_perc": 38.25857519788918,
  "fwhm_avg": 1.9977684432287024,
  "fwhm_x": 1.9098212639486671,
  "fwhm_y": 2.12272906573744,
  "fwhm_z": 1.960755,
  "gcor": 0.0124623,
  "gsr_x": -0.014081229455769062,
  "gsr_y": 0.029995936900377274,
  "provenance": {
    "md5sum": "515ad87b72f5c65100976603046ab4cb",
    "settings": {
      "fd_thres": 0.2,
      "testing": false
    },
    "software": "mriqc",
    "version": "22.0.6",
    "webapi_port": null,
    "webapi_url": "https://mriqc.nimh.nih.gov/api/v1"
  },
  "size_t": 379,
  "size_x": 104,
  "size_y": 100,
  "size_z": 60,
  "snr": 5.158069701360716,
  "spacing_tr": 2.0,
  "spacing_x": 2.019230842590332,
  "spacing_y": 2.019230842590332,
  "spacing_z": 2.0,
  "summary_bg_k": 55.225485998984,
  "summary_bg_mad": 13.390362099170643,
  "summary_bg_mean": 49.06292724609375,
  "summary_bg_median": 24.868074417114258,
  "summary_bg_n": 421261.0,
  "summary_bg_p05": 11.2981538772583,
  "summary_bg_p95": 161.67019653320312,
  "summary_bg_stdv": 81.33160400390625,
  "summary_fg_k": 4.1499815211008615,
  "summary_fg_mad": 170.09638982804736,
  "summary_fg_mean": 1131.918212890625,
  "summary_fg_median": 1107.649169921875,
  "summary_fg_n": 119765.0,
  "summary_fg_p05": 854.2274780273438,
  "summary_fg_p95": 1496.1536376953125,
  "summary_fg_stdv": 214.74012756347656,
  "tsnr": 47.19207745161839
}