{
  "aor": 0.0005207124010554089,
  "aqi": 0.009411707519788919,
  "bids_meta": {
    "AcquisitionDateTime": "2013-05-21T11:52:18.812500",
    "CogAtlasID": "http://cognitiveatlas.org/task/id/trm_5887c029d46f4",
    "ConversionSoftware": "dcm2niix",
    "ConversionSoftwareVersion": "v1.0.20170207",
    "DeviceSerialNumber": "35407",
    "EchoTime": 0.032,
    "EffectiveEchoSpacing": 0.000689988,
    "FlipAngle": 62,
    "HardcopyDeviceSoftwareVersion": "syngo MR B17",
    "ImageType": [
      "ORIGINAL",
      "PRIMARY",
      "M",
      "ND",
      "NORM",
      "MOSAIC"
    ],
    "InstitutionAddress": "Cedar Street 333, New Haven, Connecticut, US 06510",
    "InstitutionName": "Yale MRRC",
    "MagneticFieldStrength": 3,
    "Manufacturer": "Siemens",
    "ManufacturersModelName": "TrioTim",
    "MultibandAccelerationFactor": "3",
    "PhaseEncodingDirection": "j-",
    "ProcedureStepDescription": "MRRC_Research_SiteProtocols",
    "ProtocolName": "cmrr_mbep2d_bold_379",
    "PulseSequenceType": "EP SKSP PFPS",
    "RepetitionTime": 2,
    "SequenceName": "epfid2d1_100",
    "SliceTiming": [
      0,
      0.9025,
      1.8075,
      0.7025,
      1.605,
      0.5025,
      1.405,
      0.3,
      1.205,
      0.1,
      1.0025,
      1.9075,
      0.8025,
      1.705,
      0.6025,
      1.505,
      0.4,
      1.305,
      0.2,
      1.1025,
      0,
      0.9025,
      1.8075,
      0.7025,
      1.605,
      0.5025,
      1.405,
      0.3,
      1.205,
      0.1,
      1.0025,
      1.9075,
      0.8025,
      1.705,
      0.6025,
      1.505,
      0.4,
      1.305,
      0.2,
      1.1025,
      0,
      0.9025,
      1.8075,
      0.7025,
      1.605,
      0.5025,
      1.405,
      0.3,
      1.205,
      0.1,
      1.0025,
      1.9075,
      0.8025,
      1.705,
      0.6025,
      1.505,
      0.4,
      1.305,
      0.2,
      1.1025
    ],
    "TaskName": "flavor",
    "dataset": "ds000231",
    "modality": "bold",
    "run_id": 1,
    "subject_id": "03",
    "task_id": "flavor"
  },
  "dummy_trs": 0,
  "dvars_nstd": 27.482669794867743,
  "dvars_std": 1.0816766471164025,
  "dvars_vstd": 0.9834664280423281,
  "efc": 0.5520070203306394,
  "fber": 1619.88818359375,
  "fd_mean": 0.08018704028149416,
  "fd_num": 6,
  "fd_perc": 1.5831134564643798,
  "fwhm_avg": 2.1782060106808125,
  "fwhm_x": 2.0412475448881766,
  "fwhm_y": 2.3196604871542617,
  "fwhm_z": 2.17371,
  "gcor": 0.0105837,
  "gsr_x": 0.001051196362823248,
  "gsr_y": 0.032603807747364044,
  "provenance": {
    "md5sum": "9b4f9201a2c69e12afdb03f2bdafdc37",
    "settings": {
      "fd_thres": 0.2,
      "testing": false
    },
    "software": "mriqc",
    "version": "22.0.6",
    "webapi_port": null,
    "webapi_url": "https://mriqc.nimh.nih.gov/api/v1"
  },
  "size_t": 379,
  "size_x": 104,
  "size_y": 100,
  "size_z": 60,
  "snr": 4.692137195679363,
  "spacing_tr": 2.0,
  "spacing_x": 2.019230842590332,
  "spacing_y": 2.019230842590332,
  "spacing_z": 2.0,
  "summary_bg_k": 29.54810702373956,
  "summary_bg_mad": 15.127237973154887,
  "summary_bg_mean": 57.78251647949219,
  "summary_bg_median": 24.67546272277832,
  "summary_bg_n": 389918.0,
  "summary_bg_p05": 11.361477851867676,
  "summary_bg_p95": 210.62731552123978,
  "summary_bg_stdv": 92.57605743408203,
  "summary_fg_k": 2.4462859312948444,
  "summary_fg_mad": 167.2406793292925,
  "summary_fg_mean": 1029.673583984375,
  "summary_fg_median": 1001.6148071289062,
  "summary_fg_n": 147711.0,
  "summary_fg_p05": 749.7731323242188,
  "summary_fg_p95": 1431.6504516601562,
  "summary_fg_stdv": 213.46592712402344,
  "tsnr": 47.97751999902539
}