{
  "aor": 0.0011320316622691292,
  "aqi": 0.010027315382585751,
  "bids_meta": {
    "AcquisitionDateTime": "2013-05-21T11:52:18.812500",
    "CogAtlasID": "http://cognitiveatlas.org/task/id/trm_5887c029d46f4",
    "ConversionSoftware": "dcm2niix",
    "ConversionSoftwareVersion": "v1.0.20170207",
    "DeviceSerialNumber": "35407",
    "EchoTime": 0.032,
    "EffectiveEchoSpacing": 0.000689988,
    "FlipAngle": 62,
    "HardcopyDeviceSoftwareVersion": "syngo MR B17",
    "ImageType": [
      "ORIGINAL",
      "PRIMARY",
      "M",
      "ND",
      "NORM",
      "MOSAIC"
    ],
    "InstitutionAddress": "Cedar Street 333, New Haven, Connecticut, US 06510",
    "InstitutionName": "Yale MRRC",
    "MagneticFieldStrength": 3,
    "Manufacturer": "Siemens",
    "ManufacturersModelName": "TrioTim",
    "MultibandAccelerationFactor": "3",
    "PhaseEncodingDirection": "j-",
    "ProcedureStepDescription": "MRRC_Research_SiteProtocols",
    "ProtocolName": "cmrr_mbep2d_bold_379",
    "PulseSequenceType": "EP SKSP PFPS",
    "RepetitionTime": 2,
    "SequenceName": "epfid2d1_100",
    "SliceTiming": [
      0,
      0.9025,
      1.8075,
      0.7025,
      1.605,
      0.5025,
      1.405,
      0.3,
      1.205,
      0.1,
      1.0025,
      1.9075,
      0.8025,
      1.705,
      0.6025,
      1.505,
      0.4,
      1.305,
      0.2,
      1.1025,
      0,
      0.9025,
      1.8075,
      0.7025,
      1.605,
      0.5025,
      1.405,
      0.3,
      1.205,
      0.1,
      1.0025,
      1.9075,
      0.8025,
      1.705,
      0.6025,
      1.505,
      0.4,
      1.305,
      0.2,
      1.1025,
      0,
      0.9025,
      1.8075,
      0.7025,
      1.605,
      0.5025,
      1.405,
      0.3,
      1.205,
      0.1,
      1.0025,
      1.9075,
      0.8025,
      1.705,
      0.6025,
      1.505,
      0.4,
      1.305,
      0.2,
      1.1025
    ],
    "TaskName": "flavor",
    "dataset": "ds000231",
    "modality": "bold",
    "run_id": 1,
    "subject_id": "05",
    "task_id": "flavor"
  },
  "dummy_trs": 0,
  "dvars_nstd": 35.79285033783071,
  "dvars_std": 1.2844968678571431,
  "dvars_vstd": 1.0136888143915341,
  "efc": 0.5208371039308836,
  "fber": 1836.9295654296875,
  "fd_mean": 0.1684319366311291,
  "fd_num": 111,
  "fd_perc": 29.28759894459103,
  "fwhm_avg": 2.121015281583564,
  "fwhm_x": 2.014583926809259,
  "fwhm_y": 2.2586719179414327,
  "fwhm_z": 2.08979,
  "gcor": 0.0112215,
  "gsr_x": -0.01554586086422205,
  "gsr_y": 0.028121359646320343,
  "provenance": {
    "md5sum": "dcf6b82b0bd6fe309e5016da83a139a9",
    "settings": {
      "fd_thres": 0.2,
      "testing": false
    },
    "software": "mriqc",
    "version": "22.0.6",
    "webapi_port": null,
    "webapi_url": "https://mriqc.nimh.nih.gov/api/v1"
  },
  "size_t": 379,
  "size_x": 104,
  "size_y": 100,
  "size_z": 60,
  "snr": 5.340393907841596,
  "spacing_tr": 2.0,
  "spacing_x": 2.019230842590332,
  "spacing_y": 2.019230842590332,
  "spacing_z": 2.0,
  "summary_bg_k": 58.7471674255961,
  "summary_bg_mad": 12.61189752564706,
  "summary_bg_mean": 45.652671813964844,
  "summary_bg_median": 24.770448684692383,
  "summary_bg_n": 404753.0,
  "summary_bg_p05": 12.118734359741211,
  "summary_bg_p95": 133.59314575195293,
  "summary_bg_stdv": 76.11298370361328,
  "summary_fg_k": 3.2716884542061706,
  "summary_fg_mad": 166.82215911075073,
  "summary_fg_mean": 1092.1922607421875,
  "summary_fg_median": 1073.7784423828125,
  "summary_fg_n": 134915.0,
  "summary_fg_p05": 823.9552001953125,
  "summary_fg_p95": 1427.483996582031,
  "summary_fg_stdv": 201.0665283203125,
  "tsnr": 51.95341536740307
}