{
  "bids_meta": {
    "AcquisitionDateTime": "2013-10-15T12:00:26.773438",
    "ConversionSoftware": "dcm2niix",
    "ConversionSoftwareVersion": "v1.0.20170207",
    "EchoTime": 0.00277,
    "FlipAngle": 7,
    "ImageType": [
      "ORIGINAL",
      "PRIMARY",
      "M",
      "ND",
      "NORM"
    ],
    "MagneticFieldStrength": 3,
    "Manufacturer": "Siemens",
    "ManufacturersModelName": "TrioTim",
    "PhaseEncodingDirection": "i-",
    "ProcedureStepDescription": "MRRC_Research_SiteProtocols",
    "ProtocolName": "Sag_3D_MPRAGE_10_05",
    "PulseSequenceType": "T1-weighted 3D FLASH sequence",
    "RepetitionTime": 2.53,
    "dataset": "ds000231",
    "modality": "T1w",
    "subject_id": "06"
  },
  "cjv": 0.26695664946306225,
  "cnr": 5.027942059368454,
  "efc": 0.5436399443649046,
  "fber": -1.0,
  "fwhm_avg": 5.383803333333333,
  "fwhm_x": 5.37818,
  "fwhm_y": 5.81008,
  "fwhm_z": 4.96315,
  "icvs_csf": 0.21653037408585643,
  "icvs_gm": 0.42949955127360556,
  "icvs_wm": 0.35397007464053803,
  "inu_med": 0.45315074920654297,
  "inu_range": 0.15367184281349178,
  "provenance": {
    "md5sum": "70f320aca2c35c416743d0a48f8e136f",
    "settings": {
      "testing": false
    },
    "software": "mriqc",
    "version": "22.0.6",
    "warnings": {
      "large_rot_frame": true,
      "small_air_mask": false
    },
    "webapi_port": null,
    "webapi_url": "https://mriqc.nimh.nih.gov/api/v1"
  },
  "qi_1": 0.03528550290489484,
  "qi_2": 0.007652396491573762,
  "rpve_csf": 23.008568892324227,
  "rpve_gm": 12.309862697921332,
  "rpve_wm": 18.162620054941137,
  "size_x": 176,
  "size_y": 256,
  "size_z": 256,
  "snr_csf": 1.7369662951150944,
  "snr_gm": 11.64848386866583,
  "snr_total": 15.037826432934798,
  "snr_wm": 31.728029135023473,
  "snrd_csf": 35.29835504839761,
  "snrd_gm": 115.57328164789251,
  "snrd_total": 107.80960330071132,
  "snrd_wm": 172.5571732058438,
  "spacing_x": 1.0,
  "spacing_y": 1.0,
  "spacing_z": 1.0,
  "summary_bg_k": 175.25318413666062,
  "summary_bg_mad": 0.0,
  "summary_bg_mean": 0.89297756153449,
  "summary_bg_median": 0.0,
  "summary_bg_n": 1721376.0,
  "summary_bg_p05": 0.0,
  "summary_bg_p95": 6.683703795075417,
  "summary_bg_stdv": 3.796882736646554,
  "summary_csf_k": 6.000468158301949,
  "summary_csf_mad": 114.29667596614745,
  "summary_csf_mean": 226.85475716365013,
  "summary_csf_median": 204.57375733554363,
  "summary_csf_n": 31227.0,
  "summary_csf_p05": 61.66699648573997,
  "summary_csf_p95": 432.8910447705536,
  "summary_csf_stdv": 117.7745833604743,
  "summary_gm_k": -0.07138329556191803,
  "summary_gm_mad": 58.62987160694431,
  "summary_gm_mean": 668.9140906994546,
  "summary_gm_median": 669.8119626790285,
  "summary_gm_n": 51407.0,
  "summary_gm_p05": 573.6190492361784,
  "summary_gm_p95": 760.8184530299156,
  "summary_gm_stdv": 57.50151310727792,
  "summary_wm_k": 0.6623775319716318,
  "summary_wm_mad": 29.533522731584213,
  "summary_wm_mean": 1001.6840730729043,
  "summary_wm_median": 1000.0655619651079,
  "summary_wm_n": 211035.0,
  "summary_wm_p05": 952.5260805599391,
  "summary_wm_p95": 1055.4026977978647,
  "summary_wm_stdv": 31.519864920566175,
  "tpm_overlap_csf": 0.15885192625189207,
  "tpm_overlap_gm": 0.49246374156660994,
  "tpm_overlap_wm": 0.5336425356353378,
  "wm2max": 0.5632046054209643
}