{
  "aor": 0.0009055936675461742,
  "aqi": 0.011455698786279684,
  "bids_meta": {
    "AcquisitionDateTime": "2013-05-21T11:52:18.812500",
    "CogAtlasID": "http://cognitiveatlas.org/task/id/trm_5887c029d46f4",
    "ConversionSoftware": "dcm2niix",
    "ConversionSoftwareVersion": "v1.0.20170207",
    "DeviceSerialNumber": "35407",
    "EchoTime": 0.032,
    "EffectiveEchoSpacing": 0.000689988,
    "FlipAngle": 62,
    "HardcopyDeviceSoftwareVersion": "syngo MR B17",
    "ImageType": [
      "ORIGINAL",
      "PRIMARY",
      "M",
      "ND",
      "NORM",
      "MOSAIC"
    ],
    "InstitutionAddress": "Cedar Street 333, New Haven, Connecticut, US 06510",
    "InstitutionName": "Yale MRRC",
    "MagneticFieldStrength": 3,
    "Manufacturer": "Siemens",
    "ManufacturersModelName": "TrioTim",
    "MultibandAccelerationFactor": "3",
    "PhaseEncodingDirection": "j-",
    "ProcedureStepDescription": "MRRC_Research_SiteProtocols",
    "ProtocolName": "cmrr_mbep2d_bold_379",
    "PulseSequenceType": "EP SKSP PFPS",
    "RepetitionTime": 2,
    "SequenceName": "epfid2d1_100",
    "SliceTiming": [
      0,
      0.9025,
      1.8075,
      0.7025,
      1.605,
      0.5025,
      1.405,
      0.3,
      1.205,
      0.1,
      1.0025,
      1.9075,
      0.8025,
      1.705,
      0.6025,
      1.505,
      0.4,
      1.305,
      0.2,
      1.1025,
      0,
      0.9025,
      1.8075,
      0.7025,
      1.605,
      0.5025,
      1.405,
      0.3,
      1.205,
      0.1,
      1.0025,
      1.9075,
      0.8025,
      1.705,
      0.6025,
      1.505,
      0.4,
      1.305,
      0.2,
      1.1025,
      0,
      0.9025,
      1.8075,
      0.7025,
      1.605,
      0.5025,
      1.405,
      0.3,
      1.205,
      0.1,
      1.0025,
      1.9075,
      0.8025,
      1.705,
      0.6025,
      1.505,
      0.4,
      1.305,
      0.2,
      1.1025
    ],
    "TaskName": "flavor",
    "dataset": "ds000231",
    "modality": "bold",
    "run_id": 3,
    "subject_id": "05",
    "task_id": "flavor"
  },
  "dummy_trs": 0,
  "dvars_nstd": 36.79861079843915,
  "dvars_std": 1.2658939887301588,
  "dvars_vstd": 1.0083273089153442,
  "efc": 0.5217996453649629,
  "fber": 1770.624755859375,
  "fd_mean": 0.18502370426058226,
  "fd_num": 131,
  "fd_perc": 34.56464379947229,
  "fwhm_avg": 2.1296983767263002,
  "fwhm_x": 2.0216262122676953,
  "fwhm_y": 2.2595039179112053,
  "fwhm_z": 2.107965,
  "gcor": 0.0215759,
  "gsr_x": -0.0156794935464859,
  "gsr_y": 0.027908042073249817,
  "provenance": {
    "md5sum": "5752b2f8299818dbd0ee3f91ed7f6eec",
    "settings": {
      "fd_thres": 0.2,
      "testing": false
    },
    "software": "mriqc",
    "version": "22.0.6",
    "webapi_port": null,
    "webapi_url": "https://mriqc.nimh.nih.gov/api/v1"
  },
  "size_t": 379,
  "size_x": 104,
  "size_y": 100,
  "size_z": 60,
  "snr": 5.314526922010165,
  "spacing_tr": 2.0,
  "spacing_x": 2.019230842590332,
  "spacing_y": 2.019230842590332,
  "spacing_z": 2.0,
  "summary_bg_k": 54.35640106192256,
  "summary_bg_mad": 12.995264873670637,
  "summary_bg_mean": 47.10783386230469,
  "summary_bg_median": 25.15303611755371,
  "summary_bg_n": 405582.0,
  "summary_bg_p05": 12.335092544555664,
  "summary_bg_p95": 140.64104232788074,
  "summary_bg_stdv": 78.08607482910156,
  "summary_fg_k": 3.380845879463431,
  "summary_fg_mad": 166.4484318669502,
  "summary_fg_mean": 1089.93212890625,
  "summary_fg_median": 1071.86279296875,
  "summary_fg_n": 134506.0,
  "summary_fg_p05": 822.0679626464844,
  "summary_fg_p95": 1424.8378295898438,
  "summary_fg_stdv": 201.68470764160156,
  "tsnr": 48.8014234805014
}