{
  "aor": 0.0005900791556728232,
  "aqi": 0.010087834063324537,
  "bids_meta": {
    "AcquisitionDateTime": "2013-05-21T11:52:18.812500",
    "CogAtlasID": "http://cognitiveatlas.org/task/id/trm_5887c029d46f4",
    "ConversionSoftware": "dcm2niix",
    "ConversionSoftwareVersion": "v1.0.20170207",
    "DeviceSerialNumber": "35407",
    "EchoTime": 0.032,
    "EffectiveEchoSpacing": 0.000689988,
    "FlipAngle": 62,
    "HardcopyDeviceSoftwareVersion": "syngo MR B17",
    "ImageType": [
      "ORIGINAL",
      "PRIMARY",
      "M",
      "ND",
      "NORM",
      "MOSAIC"
    ],
    "InstitutionAddress": "Cedar Street 333, New Haven, Connecticut, US 06510",
    "InstitutionName": "Yale MRRC",
    "MagneticFieldStrength": 3,
    "Manufacturer": "Siemens",
    "ManufacturersModelName": "TrioTim",
    "MultibandAccelerationFactor": "3",
    "PhaseEncodingDirection": "j-",
    "ProcedureStepDescription": "MRRC_Research_SiteProtocols",
    "ProtocolName": "cmrr_mbep2d_bold_379",
    "PulseSequenceType": "EP SKSP PFPS",
    "RepetitionTime": 2,
    "SequenceName": "epfid2d1_100",
    "SliceTiming": [
      0,
      0.9025,
      1.8075,
      0.7025,
      1.605,
      0.5025,
      1.405,
      0.3,
      1.205,
      0.1,
      1.0025,
      1.9075,
      0.8025,
      1.705,
      0.6025,
      1.505,
      0.4,
      1.305,
      0.2,
      1.1025,
      0,
      0.9025,
      1.8075,
      0.7025,
      1.605,
      0.5025,
      1.405,
      0.3,
      1.205,
      0.1,
      1.0025,
      1.9075,
      0.8025,
      1.705,
      0.6025,
      1.505,
      0.4,
      1.305,
      0.2,
      1.1025,
      0,
      0.9025,
      1.8075,
      0.7025,
      1.605,
      0.5025,
      1.405,
      0.3,
      1.205,
      0.1,
      1.0025,
      1.9075,
      0.8025,
      1.705,
      0.6025,
      1.505,
      0.4,
      1.305,
      0.2,
      1.1025
    ],
    "TaskName": "flavor",
    "dataset": "ds000231",
    "modality": "bold",
    "run_id": 2,
    "subject_id": "05",
    "task_id": "flavor"
  },
  "dummy_trs": 0,
  "dvars_nstd": 36.29901566597883,
  "dvars_std": 1.274959683148148,
  "dvars_vstd": 1.005763487037037,
  "efc": 0.5215937405247646,
  "fber": 1775.2867431640625,
  "fd_mean": 0.174819423929138,
  "fd_num": 128,
  "fd_perc": 33.773087071240106,
  "fwhm_avg": 2.1171713929003864,
  "fwhm_x": 2.008789641305482,
  "fwhm_y": 2.2474795373956757,
  "fwhm_z": 2.095245,
  "gcor": 0.0238184,
  "gsr_x": -0.015830637887120247,
  "gsr_y": 0.029139993712306023,
  "provenance": {
    "md5sum": "afb868268bf40f00694df246d47f0c6c",
    "settings": {
      "fd_thres": 0.2,
      "testing": false
    },
    "software": "mriqc",
    "version": "22.0.6",
    "webapi_port": null,
    "webapi_url": "https://mriqc.nimh.nih.gov/api/v1"
  },
  "size_t": 379,
  "size_x": 104,
  "size_y": 100,
  "size_z": 60,
  "snr": 5.327382714193591,
  "spacing_tr": 2.0,
  "spacing_x": 2.019230842590332,
  "spacing_y": 2.019230842590332,
  "spacing_z": 2.0,
  "summary_bg_k": 54.77467635701537,
  "summary_bg_mad": 12.995262045831323,
  "summary_bg_mean": 46.58934020996094,
  "summary_bg_median": 25.12137222290039,
  "summary_bg_n": 405251.0,
  "summary_bg_p05": 12.356201171875,
  "summary_bg_p95": 137.01847076416016,
  "summary_bg_stdv": 76.66923522949219,
  "summary_fg_k": 3.394098279159061,
  "summary_fg_mad": 166.01620228341184,
  "summary_fg_mean": 1089.987548828125,
  "summary_fg_median": 1071.940673828125,
  "summary_fg_n": 134654.0,
  "summary_fg_p05": 823.3342041015625,
  "summary_fg_p95": 1424.059942626953,
  "summary_fg_stdv": 201.21263122558594,
  "tsnr": 51.59814951522276
}