{
  "aor": 0.001177037037037037,
  "aqi": 0.009441204074074073,
  "bids_meta": {
    "AcquisitionDateTime": "2013-05-21T11:52:18.812500",
    "CogAtlasID": "http://cognitiveatlas.org/task/id/trm_5887c029d46f4",
    "ConversionSoftware": "dcm2niix",
    "ConversionSoftwareVersion": "v1.0.20170207",
    "DeviceSerialNumber": "35407",
    "EchoTime": 0.032,
    "EffectiveEchoSpacing": 0.000689988,
    "FlipAngle": 62,
    "HardcopyDeviceSoftwareVersion": "syngo MR B17",
    "ImageType": [
      "ORIGINAL",
      "PRIMARY",
      "M",
      "ND",
      "NORM",
      "MOSAIC"
    ],
    "InstitutionAddress": "Cedar Street 333, New Haven, Connecticut, US 06510",
    "InstitutionName": "Yale MRRC",
    "MagneticFieldStrength": 3,
    "Manufacturer": "Siemens",
    "ManufacturersModelName": "TrioTim",
    "MultibandAccelerationFactor": "3",
    "PhaseEncodingDirection": "j-",
    "ProcedureStepDescription": "MRRC_Research_SiteProtocols",
    "ProtocolName": "cmrr_mbep2d_bold_379",
    "PulseSequenceType": "EP SKSP PFPS",
    "RepetitionTime": 2,
    "SequenceName": "epfid2d1_100",
    "SliceTiming": [
      0,
      0.9025,
      1.8075,
      0.7025,
      1.605,
      0.5025,
      1.405,
      0.3,
      1.205,
      0.1,
      1.0025,
      1.9075,
      0.8025,
      1.705,
      0.6025,
      1.505,
      0.4,
      1.305,
      0.2,
      1.1025,
      0,
      0.9025,
      1.8075,
      0.7025,
      1.605,
      0.5025,
      1.405,
      0.3,
      1.205,
      0.1,
      1.0025,
      1.9075,
      0.8025,
      1.705,
      0.6025,
      1.505,
      0.4,
      1.305,
      0.2,
      1.1025,
      0,
      0.9025,
      1.8075,
      0.7025,
      1.605,
      0.5025,
      1.405,
      0.3,
      1.205,
      0.1,
      1.0025,
      1.9075,
      0.8025,
      1.705,
      0.6025,
      1.505,
      0.4,
      1.305,
      0.2,
      1.1025
    ],
    "TaskName": "flavor",
    "dataset": "ds000231",
    "modality": "bold",
    "run_id": 3,
    "subject_id": "03",
    "task_id": "flavor"
  },
  "dummy_trs": 1,
  "dvars_nstd": 30.63962488161806,
  "dvars_std": 1.1294314889124666,
  "dvars_vstd": 1.0038326143236067,
  "efc": 0.5556597119761211,
  "fber": 1517.656005859375,
  "fd_mean": 0.1375916571994316,
  "fd_num": 58,
  "fd_perc": 15.343915343915343,
  "fwhm_avg": 2.183838312289405,
  "fwhm_x": 2.044857830471299,
  "fwhm_y": 2.3142921063969166,
  "fwhm_z": 2.192365,
  "gcor": 0.0143519,
  "gsr_x": 0.0005260606994852424,
  "gsr_y": 0.03442633897066116,
  "provenance": {
    "md5sum": "17e9044f4f30ed37167761ef659d8b51",
    "settings": {
      "fd_thres": 0.2,
      "testing": false
    },
    "software": "mriqc",
    "version": "22.0.6",
    "webapi_port": null,
    "webapi_url": "https://mriqc.nimh.nih.gov/api/v1"
  },
  "size_t": 378,
  "size_x": 104,
  "size_y": 100,
  "size_z": 60,
  "snr": 4.709708121644844,
  "spacing_tr": 2.0,
  "spacing_x": 2.019230842590332,
  "spacing_y": 2.019230842590332,
  "spacing_z": 2.0,
  "summary_bg_k": 27.96548634745067,
  "summary_bg_mad": 15.873255918384228,
  "summary_bg_mean": 59.634071350097656,
  "summary_bg_median": 25.259258270263672,
  "summary_bg_n": 389087.0,
  "summary_bg_p05": 11.52910041809082,
  "summary_bg_p95": 220.20051727294936,
  "summary_bg_stdv": 95.23426818847656,
  "summary_fg_k": 2.358249450255027,
  "summary_fg_mad": 165.51800486434553,
  "summary_fg_mean": 1025.5687255859375,
  "summary_fg_median": 997.1666259765625,
  "summary_fg_n": 148489.0,
  "summary_fg_p05": 747.8438842773438,
  "summary_fg_p95": 1429.589892578125,
  "summary_fg_stdv": 211.72506713867188,
  "tsnr": 48.62269482575357
}