{
  "aor": 0.0015093386243386247,
  "aqi": 0.009626884947089949,
  "bids_meta": {
    "AcquisitionDateTime": "2013-05-21T11:52:18.812500",
    "CogAtlasID": "http://cognitiveatlas.org/task/id/trm_5887c029d46f4",
    "ConversionSoftware": "dcm2niix",
    "ConversionSoftwareVersion": "v1.0.20170207",
    "DeviceSerialNumber": "35407",
    "EchoTime": 0.032,
    "EffectiveEchoSpacing": 0.000689988,
    "FlipAngle": 62,
    "HardcopyDeviceSoftwareVersion": "syngo MR B17",
    "ImageType": [
      "ORIGINAL",
      "PRIMARY",
      "M",
      "ND",
      "NORM",
      "MOSAIC"
    ],
    "InstitutionAddress": "Cedar Street 333, New Haven, Connecticut, US 06510",
    "InstitutionName": "Yale MRRC",
    "MagneticFieldStrength": 3,
    "Manufacturer": "Siemens",
    "ManufacturersModelName": "TrioTim",
    "MultibandAccelerationFactor": "3",
    "PhaseEncodingDirection": "j-",
    "ProcedureStepDescription": "MRRC_Research_SiteProtocols",
    "ProtocolName": "cmrr_mbep2d_bold_379",
    "PulseSequenceType": "EP SKSP PFPS",
    "RepetitionTime": 2,
    "SequenceName": "epfid2d1_100",
    "SliceTiming": [
      0,
      0.9025,
      1.8075,
      0.7025,
      1.605,
      0.5025,
      1.405,
      0.3,
      1.205,
      0.1,
      1.0025,
      1.9075,
      0.8025,
      1.705,
      0.6025,
      1.505,
      0.4,
      1.305,
      0.2,
      1.1025,
      0,
      0.9025,
      1.8075,
      0.7025,
      1.605,
      0.5025,
      1.405,
      0.3,
      1.205,
      0.1,
      1.0025,
      1.9075,
      0.8025,
      1.705,
      0.6025,
      1.505,
      0.4,
      1.305,
      0.2,
      1.1025,
      0,
      0.9025,
      1.8075,
      0.7025,
      1.605,
      0.5025,
      1.405,
      0.3,
      1.205,
      0.1,
      1.0025,
      1.9075,
      0.8025,
      1.705,
      0.6025,
      1.505,
      0.4,
      1.305,
      0.2,
      1.1025
    ],
    "TaskName": "flavor",
    "dataset": "ds000231",
    "modality": "bold",
    "run_id": 2,
    "subject_id": "03",
    "task_id": "flavor"
  },
  "dummy_trs": 1,
  "dvars_nstd": 28.137315715119367,
  "dvars_std": 1.1297013402917757,
  "dvars_vstd": 1.021537211034483,
  "efc": 0.5549845108623456,
  "fber": 1507.4552001953125,
  "fd_mean": 0.09170681082411744,
  "fd_num": 15,
  "fd_perc": 3.9682539682539684,
  "fwhm_avg": 2.169950518829569,
  "fwhm_x": 2.0366665926736522,
  "fwhm_y": 2.306714963815055,
  "fwhm_z": 2.16647,
  "gcor": 0.0126354,
  "gsr_x": -0.00043260486563667655,
  "gsr_y": 0.034353625029325485,
  "provenance": {
    "md5sum": "2cbe64981e942bf5c427d4f23e3a1285",
    "settings": {
      "fd_thres": 0.2,
      "testing": false
    },
    "software": "mriqc",
    "version": "22.0.6",
    "webapi_port": null,
    "webapi_url": "https://mriqc.nimh.nih.gov/api/v1"
  },
  "size_t": 378,
  "size_x": 104,
  "size_y": 100,
  "size_z": 60,
  "snr": 4.705779923346103,
  "spacing_tr": 2.0,
  "spacing_x": 2.019230842590332,
  "spacing_y": 2.019230842590332,
  "spacing_z": 2.0,
  "summary_bg_k": 28.851328122653793,
  "summary_bg_mad": 15.755589524509071,
  "summary_bg_mean": 59.01724624633789,
  "summary_bg_median": 25.333332061767578,
  "summary_bg_n": 389213.0,
  "summary_bg_p05": 11.64285659790039,
  "summary_bg_p95": 216.36877746582022,
  "summary_bg_stdv": 93.23300170898438,
  "summary_fg_k": 2.407943577402846,
  "summary_fg_mad": 165.34932990491592,
  "summary_fg_mean": 1024.5389404296875,
  "summary_fg_median": 996.5687255859375,
  "summary_fg_n": 148303.0,
  "summary_fg_p05": 746.0306396484375,
  "summary_fg_p95": 1425.3489013671874,
  "summary_fg_stdv": 211.77474975585938,
  "tsnr": 48.86976592987776
}