{
  "bids_meta": {
    "AcquisitionDateTime": "2015-09-10T11:06:37.585938",
    "ConversionSoftware": "dcm2niix",
    "ConversionSoftwareVersion": "v1.0.20170207",
    "EchoTime": 0.00277,
    "FlipAngle": 7,
    "ImageType": [
      "ORIGINAL",
      "PRIMARY",
      "M",
      "ND",
      "NORM"
    ],
    "MagneticFieldStrength": 3,
    "Manufacturer": "Siemens",
    "ManufacturersModelName": "TrioTim",
    "PhaseEncodingDirection": "i-",
    "ProcedureStepDescription": "MRRC_Research_SiteProtocols",
    "ProtocolName": "Sag_3D_MPRAGE_10_05",
    "PulseSequenceType": "T1-weighted 3D FLASH sequence",
    "RepetitionTime": 2.53,
    "SliceTiming": [
      0,
      0.9025,
      1.8075,
      0.7025,
      1.605,
      0.5025,
      1.405,
      0.3,
      1.205,
      0.1,
      1.0025,
      1.9075,
      0.8025,
      1.705,
      0.6025,
      1.505,
      0.4,
      1.305,
      0.2,
      1.1025,
      0,
      0.9025,
      1.8075,
      0.7025,
      1.605,
      0.5025,
      1.405,
      0.3,
      1.205,
      0.1,
      1.0025,
      1.9075,
      0.8025,
      1.705,
      0.6025,
      1.505,
      0.4,
      1.305,
      0.2,
      1.1025,
      0,
      0.9025,
      1.8075,
      0.7025,
      1.605,
      0.5025,
      1.405,
      0.3,
      1.205,
      0.1,
      1.0025,
      1.9075,
      0.8025,
      1.705,
      0.6025,
      1.505,
      0.4,
      1.305,
      0.2,
      1.1025
    ],
    "dataset": "ds000231",
    "modality": "T1w",
    "subject_id": "09"
  },
  "cjv": 0.32052874548719296,
  "cnr": 4.144182814719309,
  "efc": 0.5516714278167968,
  "fber": -1.0,
  "fwhm_avg": 5.19179,
  "fwhm_x": 5.26668,
  "fwhm_y": 5.3757,
  "fwhm_z": 4.93299,
  "icvs_csf": 0.2722294488070106,
  "icvs_gm": 0.3740718296665715,
  "icvs_wm": 0.3536987215264179,
  "inu_med": 0.47994571924209595,
  "inu_range": 0.16673722863197332,
  "provenance": {
    "md5sum": "e5b097f5ce8f91842f19dec3cc3cc666",
    "settings": {
      "testing": false
    },
    "software": "mriqc",
    "version": "22.0.6",
    "warnings": {
      "large_rot_frame": true,
      "small_air_mask": false
    },
    "webapi_port": null,
    "webapi_url": "https://mriqc.nimh.nih.gov/api/v1"
  },
  "qi_1": 1.2221923812287546e-05,
  "qi_2": 0.014230876160703912,
  "rpve_csf": 18.978597050617775,
  "rpve_gm": 12.688482758466455,
  "rpve_wm": 17.160564017516183,
  "size_x": 176,
  "size_y": 256,
  "size_z": 256,
  "snr_csf": 2.0759540218356807,
  "snr_gm": 11.29909871166767,
  "snr_total": 15.222832782410611,
  "snr_wm": 32.29344561372849,
  "snrd_csf": 27.034071698235305,
  "snrd_gm": 95.34907168074082,
  "snrd_total": 85.60710641794265,
  "snrd_wm": 134.4381758748518,
  "spacing_x": 1.0,
  "spacing_y": 1.0,
  "spacing_z": 1.0,
  "summary_bg_k": 30.0864969550991,
  "summary_bg_mad": 0.0,
  "summary_bg_mean": 1.9864435199423978,
  "summary_bg_median": 0.0,
  "summary_bg_n": 2940181.0,
  "summary_bg_p05": 0.0,
  "summary_bg_p95": 11.841596323996782,
  "summary_bg_stdv": 4.87331367177547,
  "summary_csf_k": 7.3704664010230285,
  "summary_csf_mad": 93.46035698280744,
  "summary_csf_mean": 215.9302990298251,
  "summary_csf_median": 201.09630789980292,
  "summary_csf_n": 76417.0,
  "summary_csf_p05": 76.25004161149263,
  "summary_csf_p95": 386.1695655807853,
  "summary_csf_stdv": 96.86871192606839,
  "summary_gm_k": 0.49854076913196277,
  "summary_gm_mad": 65.27638088041121,
  "summary_gm_mean": 705.5276035521258,
  "summary_gm_median": 709.2659400589764,
  "summary_gm_n": 27458.0,
  "summary_gm_p05": 599.0723315365613,
  "summary_gm_p95": 801.222787477076,
  "summary_gm_stdv": 62.770760975756694,
  "summary_wm_k": 1.0470803899598353,
  "summary_wm_mad": 27.923495731764095,
  "summary_wm_mean": 1000.8864054464684,
  "summary_wm_median": 1000.0351079553366,
  "summary_wm_n": 220926.0,
  "summary_wm_p05": 951.5091598145664,
  "summary_wm_p95": 1052.3208507746458,
  "summary_wm_stdv": 30.967053086677605,
  "tpm_overlap_csf": 0.1516429203268542,
  "tpm_overlap_gm": 0.44575625623796256,
  "tpm_overlap_wm": 0.5097769798383673,
  "wm2max": 0.5651983953608453
}